dscoef 7 1 49999 3 2 3 1 1 1 64
1 61 
0 
console 2 2 8 0 0 2 1 0 1 64
1 "vnmrs"
0 
alock 2 2 8 0 0 2 1 0 1 64
1 "n"
5 "a" "n" "s" "u" "y" 
aXlock 1 1 4095 0 1 2 1 0 1 64
1 0 
0 
aHhx 1 1 4095 0 1 2 1 0 1 64
1 2000 
0 
PFGflg 4 2 4 0 0 2 1 0 1 64
1 "n"
0 
Gmap 2 2 8 0 0 2 1 1 1 64
1 "lk"
0 
Composite180 4 2 4 0 0 2 1 0 1 64
1 "n"
0 
Archive1 2 2 8 0 0 2 1 0 1 64
1 ""
0 
ACQtime 7 1 100000000 0 1 2 1 256 1 64
1 6756.647936 
0 
Archive2 2 2 8 0 0 2 1 0 1 64
1 ""
0 
Echo 4 2 4 0 0 2 1 0 1 64
1 "n"
0 
Echo_dec 4 2 4 0 0 2 1 0 1 64
1 "n"
0 
H1reffrq 1 1 9.99999984307e+17 -9.99999984307e+17 0 2 1 0 1 64
1 849.943219834 
0 
Gmapname 2 2 8 0 0 2 1 1 1 64
1 ""
0 
Hseq 4 2 4 0 0 2 1 0 1 64
1 "spinal"
0 
MinSW 2 2 8 0 0 3 1 0 1 64
1 "off"
4 "off" "auto" "manual" "skip" 
Sync_mode 4 2 4 0 0 2 1 0 1 64
1 "n"
0 
Ssdfs 4 2 4 0 0 2 1 0 1 64
1 "n"
0 
REQexp 2 2 8 0 0 4 1 256 1 64
2 ""
"ignore"
0 
T1rho 4 2 4 0 0 2 1 0 1 64
1 "n"
0 
T1_mode 4 2 4 0 0 2 1 0 1 64
1 "n"
0 
aH90 1 1 4095 0 1 2 1 0 1 64
1 2000 
0 
aXdfs 1 1 4095 0 1 2 1 0 1 64
1 4000 
0 
aHwaltz 1 1 4095 0 0 2 1 0 1 64
1 0 
0 
aHtppm 1 1 4095 0 1 2 1 0 1 64
1 0 
0 
aHspinal 1 1 4095 0 1 2 1 0 1 64
1 0 
0 
aX90 1 1 4095 0 1 2 1 0 1 64
1 4000 
0 
aX180E 1 1 4095 0 1 2 1 0 1 64
1 0 
0 
aXcpmg 1 1 4095 0 0 2 1 16384 1 64
1 4000 
0 
aXhx 1 1 4095 0 1 2 1 0 1 64
1 2000 
0 
aXecho 1 1 4095 0 0 2 1 16384 1 64
1 4000 
0 
ad 6 1 8192 0 0.0125 2 1 0 1 64
1 4 
0 
aY90 1 1 4095 0 1 2 1 0 1 64
1 2000 
0 
aXmqmas 1 1 4095 0 1 2 1 0 1 64
1 4000 
0 
aXmdfs 1 1 9.99999984307e+17 -9.99999984307e+17 0 2 1 0 1 64
1 0 
0 
aXwurst 1 1 4095 0 1 2 1 0 1 64
1 0 
0 
aXssdfs 1 1 4095 0 1 2 1 0 1 64
1 4000 
0 
aXzfsel 1 1 4095 0 1 2 1 0 1 64
1 400 
0 
acqdim 7 1 32767 0 0 2 1 0 1 64
1 1 
0 
acqcycles 1 1 9.99999984307e+17 -9.99999984307e+17 0 2 1 0 1 64
1 1 
0 
aZ90 1 1 4095 0 1 2 1 0 1 64
1 2000 
0 
acqstatus 7 1 32767 0 0 2 1 256 1 64
2 101 0 
0 
acqpath 2 2 8 0 0 2 1 0 1 64
1 ""
0 
actionid 2 2 8 0 0 4 1 0 1 64
1 "null"
0 
aig 2 2 2 0 0 4 1 1 1 64
1 "ai"
2 "nm" "ai" 
adirtmplt 2 2 8 0 0 2 1 0 1 64
1 ""
0 
adir2tmplt 2 2 8 0 0 2 1 0 1 64
1 ""
0 
alfa 6 1 13 13 13 2 1 8194 1 64
1 4 
0 
celem 1 1 9.99999984307e+17 -9.99999984307e+17 0 2 1 0 1 64
1 1 
0 
arrayflip 4 2 4 0 0 2 1 0 1 64
1 "n"
0 
arraydim 7 1 32768 1 1 2 1 1 1 64
1 1 
0 
apptype 2 2 8 0 0 2 1 1 1 64
1 "solidsseq1d"
0 
ampmode 4 2 4 0 0 2 1 0 1 64
1 "ppp"
0 
ap 2 2 1023 0 0 4 1 6 1 64
1 "1:SAMPLE:date,temp:1,srate:1,file;1:ACQUISITION:tn,sfrq:6,tof:1,tpwr:0,sw:1,at:6,np:0,d1:6,nt:0,ct:0,ss:0,rd:1,ad:1,aX90:0,pwX90:1;1(ni):2D ACQUISITION:d2:6,sw1:1,ni:0,phase:0;1:DECOUPLE:dn,dfrq:6,dof:1,dpwr:0,aH90:0,pwH90:1;1(dfrq2>0):DECOUPLE2:dn2,dfrq2:6,dof2:1,dpwr2:0,aY90:0,pwY90:1;1(dfrq3>0):DECOUPLE3:dn3,dfrq3:6,dof3:1,dpwr3:0,aZ90:0,pwZ90:1;1:echoX:aXecho:0,t1Xecho:1,pwXecho:1,t2Xecho:1;1:cpmgX:Start,aXcpmg:0,t1Xcpmg:1,pwXcpmg:1,t2Xcpmg:1,tauXcpmg:1;2(Hseq='tppm'):TPPM:aHtppm:0,pwHtppm:1,phHtppm:2;2(Hseq='spinal'):SPINAL:aHspinal:0,pwHspinal:1,phHspinal:2;"
0 
array 2 2 256 0 0 2 1 1 1 64
1 ""
0 
archivedir 2 2 8 0 0 2 1 0 1 64
1 ""
0 
arraydelta 7 1 32767 0 0 2 1 0 1 64
1 1 
0 
arraydscale 4 2 4 0 0 2 1 0 1 64
1 "n"
0 
arraydodc 4 2 4 0 0 2 1 0 1 64
1 "n"
0 
arrayelemts 1 1 9.99999984307e+17 -9.99999984307e+17 0 2 1 0 1 64
1 0 
0 
avwdir 2 2 8 0 0 3 1 0 1 64
1 ""
0 
arraywhitewash 4 2 4 0 0 2 1 0 1 64
1 "n"
0 
arraystart 7 1 32767 0 0 2 1 0 1 64
1 1 
0 
arraymax 7 1 32767 0 0 2 1 0 1 64
1 1 
0 
arraystop 7 1 32767 0 0 2 1 0 1 64
1 1 
0 
at 1 1 14 14 14 2 2 8203 1 64
1 0.3 
0 
axis 4 2 4 0 0 4 1 0 1 64
1 "k"
11 "c" "d" "1" "2" "3" "h" "k" "m" "n" "p" "u" 
awc1 1 1 1 -1 0.001 3 1 1 0 64
1 0 
0 
awc 1 1 1 -1 0.001 3 1 1 0 64
1 0 
0 
bHX 1 1 1000000 0 1e-06 2 1 0 1 64
1 0 
0 
axisf 4 2 4 0 0 4 1 0 1 64
1 "s"
4 "m" "n" "s" "u" 
bs 7 1 32767 0 1 2 1 0 1 64
1 1 
0 
chXmdfs 4 2 4 0 0 2 1 0 1 64
1 ""
0 
chHtppm 4 2 4 0 0 2 1 16384 1 64
1 "dec"
0 
chHX 4 2 4 0 0 2 1 0 1 64
1 "fr"
0 
cf 7 1 32767 0 1 3 1 1 0 64
1 1 
0 
chHspinal 4 2 4 0 0 2 1 16384 1 64
1 "dec"
0 
chXcpmg 4 2 4 0 0 2 1 16384 1 64
1 "obs"
0 
chHwaltz 4 2 4 0 0 2 1 0 1 64
1 "dec"
0 
chXdfs 4 2 4 0 0 2 1 0 1 64
1 ""
0 
comment 2 2 8 0 0 3 1 0 1 64
1 ""
0 
chXwurst 4 2 4 0 0 2 1 0 1 64
1 ""
0 
chXssdfs 4 2 4 0 0 2 1 0 1 64
1 ""
0 
clearparams 2 2 8 0 0 2 1 16384 1 64
1 "frHX toHX chHspinal chHtppm chXcpmg"
0 
concentration 1 1 9.99e+17 -9.99e+17 0 2 1 0 1 64
1 0 
0 
dmf3 7 1 2000000 1 0 2 1 2 1 64
1 10000 
0 
dcrmv 4 2 9.99999984307e+17 -9.99999984307e+17 0 4 1 0 1 64
1 "n"
2 "y" "n" 
dataid 2 2 8 0 0 2 1 0 1 64
1 ""
0 
ct 7 1 1000000000 0 1 2 1 2 1 64
1 2048 
0 
cr 1 1 1000000000 -1000000000 0 4 1 1 1 64
1 65743.6276769 
0 
cp 2 2 1 0 0 2 1 0 1 64
1 "y"
2 "y" "n" 
cppauseflg 4 2 4 0 0 4 1 0 1 64
1 "n"
0 
cr1 1 1 1000000000 -1000000000 0 4 1 3 1 64
1 -3315.68835505 
0 
crf 1 1 9.99999984307e+17 -9.99999984307e+17 0 4 1 0 1 64
1 0.283456 
0 
d2 3 1 14 14 14 2 3 8194 1 64
1 1e-06 
0 
cutoff 1 1 9.99999984307e+17 -9.99999984307e+17 0 4 1 0 0 64
1 200 
0 
customflag 4 2 4 0 0 4 1 0 1 64
1 "n"
0 
d1 3 1 14 14 14 2 1 8194 1 64
1 3 
0 
daslp 1 1 9.99999984307e+17 -9.99999984307e+17 0 3 1 0 1 64
1 712.5 
0 
dHX 1 1 4095 -4095 1 2 1 0 1 64
1 0 
0 
dataProcessed 1 1 9.99999984307e+17 -9.99999984307e+17 0 3 1 0 1 64
1 0 
0 
dbXzfsel 1 1 63 -16 1 2 1 0 1 64
1 54 
0 
datname 2 2 8 0 0 3 1 0 1 64
1 ""
0 
date 2 2 9 0 0 2 1 1 1 64
1 "Mar 18 2014"
0 
dcg 2 2 3 0 0 4 1 1 1 64
1 ""
2 "dc" "cdc" 
dg1 2 2 1023 0 0 4 1 2 1 64
1 "1:DISPLAY:sp:1,wp:1,vs:0;1:REFERENCE:rfl:1,rfp:1,cr:1,delta:1;1:PHASE:lp:1,rp:1,rp1(ni):1,lp1(ni):1;2:CHART:sc:0,wc:0,hzmm:2,vp:0,axis,pltmod,,th:0,,ho:2,vo:2,,trace:2;3(ni):2D:sp1:1,wp1:1,sc2:0,wc2:0,rfl1:1,rfp1:1;3:FLAGS:aig*,dcg*,dmg*;3:FID:sf:3,wf:3,vf:0;4:INTEGRAL:intmod,is:2,ins:3,io:0,,lvl:3,tlt:3;"
0 
dfrq 5 1 1000000000 -1000000000 0 2 1 8 1 64
1 849.9474696 
0 
decwave 2 2 8 0 0 2 1 0 1 64
1 "g"
0 
dec2wave 2 2 8 0 0 2 1 0 1 64
1 "g"
0 
ddrtc 6 1 8192 0 0.0125 2 1 0 1 64
1 0 
0 
dec3wave 2 2 8 0 0 2 1 0 1 64
1 "g"
0 
delta1 1 1 5000000 0 0 4 1 3 1 64
1 98979.8553719 
0 
delta 1 1 5000000 0 0 4 1 1 1 64
1 126510.091419 
0 
deltaf 1 1 100 0 0 4 1 0 1 64
1 0.008157 
0 
dfrq3 1 1 1000000000 0 0 2 1 9 1 64
1 0 
0 
dfrq2 1 1 1000000000 0 0 2 1 9 1 64
1 0 
0 
dg 2 2 1023 0 0 4 1 2 1 64
1 "1:ACQUISITION:sw:1,at:6,np:0,d1:6,nt:0,ct:0,bs:0,ss:0,rd:1,ad:1,ddrtc:1,rof3(rof3):1,gain:0,temp:0,srate:1;2:echoX:Start,aXecho:0,t1Xecho:1,pwXecho:1,t2Xecho:1;3:cpmgX:aXcpmg:0,t1Xcpmg:1,pwXcpmg:1,t2Xcpmg:1,tauXcpmg:1;4(Hseq='tppm'):TPPM:aHtppm:0,pwHtppm:1,phHtppm:2;4(Hseq='spinal'):SPINAL:aHspinal:0,pwHspinal:1,phHspinal:2;"
0 
displaymode 4 2 9.99999984307e+17 -9.99999984307e+17 0 4 1 0 1 64
1 "r"
0 
dhp 1 1 9 9 9 2 1 8192 0 64
1 43 
0 
dglp 2 2 8 0 0 4 1 3 1 64
1 "1(lpfilt):LP:lpalg,lpopt,lpfilt:0,lpnupts:0,strtlp:0,lpext:0,strtext:0;2(lpfilt1):LP 1:lpalg1,lpopt1,lpfilt1:0,lpnupts1:0,strtlp1:0,lpext1:0,strtext1:0;3(lpfilt2):LP 2:lpalg2,lpopt2,lpfilt2:0,lpnupts2:0,strtlp2:0,lpext2:0,strtext2:0;4:LP OUTPUT:lpprint(lpfilt):0,lptrace(lpfilt):0,lpprint1(lpfilt1):0,lptrace1(lpfilt1):0,lpprint2(lpfilt2):0,lptrace2(lpfilt2):0;"
0 
dg2 2 2 8 0 0 4 1 0 1 64
1 "1:OBSERVE:tn,sfrq:6,tof:1,tpwr:0,aX90:0,pwX90:1;2:DECOUPLE:dn,dfrq:6,dof:1,dpwr:0,aH90:0,pwH90:1;3:DECOUPLE2:dn2,dfrq2:6,dof2:1,dpwr2:0,aY90:0,pwY90:1;4:DECOUPLE3:dn3,dfrq3:6,dof3:1,dpwr3:0,aZ90:0,pwZ90:1;"
0 
dgs 2 2 1023 0 0 4 1 6 1 64
5 "1:AXIAL SHIMS:z1:0,z2:0,z3:0,z4:0,z5:0,z6:0,z7:0;"
"2:NON AXIAL SHIMS:x1:0,y1:0,xz:0,yz:0,xy:0,x2y2:0,x3:0,y3:0,xz2:0,yz2:0,zxy:0,zx2y2:0,z3x:0,z3y:0,z2x2y2:0,z2xy:0;"
"3:NON AXIAL SHIMS:zx3:0,zy3:0,x4:0,y4:0,z4x:0,z4y:0,z3x2y2:0,z3xy:0,z2x3:0,z2y3:0,z3x3:0,z3y3:0,z4x2y2:0,z4xy:0,z5x:0,z5y:0;"
"4:AUTOMATION:method,wshim,load,,spin:0,gain:0,alock,loc:0;"
"4:SPECIAL:temp;"
0 
disCmd 2 2 8 0 0 4 1 0 1 64
1 "dps"
0 
dm2 4 2 4 0 0 2 1 0 1 64
1 "n"
4 "a" "n" "s" "y" 
dm 4 2 4 0 0 2 1 0 1 64
1 "n"
4 "a" "n" "s" "y" 
dlp 7 1 10 10 10 2 1 8194 0 64
1 10 
0 
dmf 7 1 11 11 11 2 1 8194 1 64
1 9900 
0 
dm3 4 2 4 0 0 2 1 0 1 64
1 "n"
4 "a" "n" "s" "y" 
dmf2 7 1 2000000 1 0 2 1 2 1 64
1 10000 
0 
dod 3 1 14 14 14 2 1 8194 1 64
1 0.00999999977648 
0 
dn2ref 2 2 8 0 0 4 1 1 1 64
1 ""
0 
dmm2 4 2 4 0 0 2 1 0 1 64
1 "c"
9 "c" "f" "g" "m" "p" "r" "u" "w" "x" 
dmg1 2 2 8 0 0 4 1 0 1 64
1 "ph1"
4 "" "av1" "ph1" "pwr1" 
dmg 2 2 2 0 0 4 1 3 1 64
1 "ph"
0 
dmm 4 2 4 0 0 2 1 0 1 64
1 "c"
9 "c" "f" "g" "m" "p" "r" "u" "w" "x" 
dn 2 2 4 0 0 2 1 8 1 64
1 "H1"
0 
dmm3 4 2 4 0 0 2 1 0 1 64
1 "c"
9 "c" "f" "g" "m" "p" "r" "u" "w" "x" 
dn2 2 2 8 0 0 2 1 8 1 64
1 ""
0 
dn3shapes 2 2 8 0 0 2 1 256 1 64
3 ""
""
""
0 
dn3 2 2 8 0 0 2 1 8 1 64
1 ""
0 
dn2shapes 2 2 8 0 0 2 1 256 1 64
3 ""
""
""
0 
dn3ref 2 2 8 0 0 4 1 1 1 64
1 ""
0 
dnref 2 2 8 0 0 4 1 1 1 64
1 ""
0 
dn4ref 2 2 8 0 0 4 1 1 1 64
1 ""
0 
dnshapes 2 2 8 0 0 2 1 256 1 64
3 ""
""
""
0 
dpwr2 7 1 63 -16 1 2 1 2 1 64
1 54 
0 
dotflag 2 2 8 0 0 4 1 0 1 64
1 "n"
2 "n" "y" 
dof2 5 1 16 16 16 2 1 8202 1 64
1 0 
0 
dof 5 1 8 8 8 2 1 8202 1 64
1 0 
0 
dof3 5 1 20 20 20 2 1 8202 1 64
1 0 
0 
dp 2 2 1 0 0 2 1 0 1 64
1 "y"
2 "y" "n" 
downsamp 7 1 999 1 1 3 1 1 0 64
1 0 
0 
dpwr 7 1 63 -16 1 2 1 2 1 64
1 54 
0 
dres 7 1 360 1 0 2 1 0 1 64
1 90 
0 
dreffrq 1 1 9.99999984307e+17 -9.99999984307e+17 0 2 1 0 1 64
1 849.943219834 
0 
dpwr3 7 1 63 -16 1 2 1 2 1 64
1 54 
0 
dreffrq2 1 1 9.99999984307e+17 -9.99999984307e+17 0 2 1 0 1 64
1 0 
0 
dres3 7 1 360 1 0 2 1 0 1 64
1 1 
0 
dres2 7 1 360 1 0 2 1 0 1 64
1 1 
0 
dsSelect 7 1 32767 0 0 4 1 0 1 64
1 1 
0 
paramChanged 1 1 9.99999984307e+17 -9.99999984307e+17 0 2 1 0 1 64
1 0 
0 
lp 1 1 10000000 -10000000 0.1 4 1 3 1 64
1 184320 
0 
gfs1 1 1 1000 -1000 0.001 3 1 1 0 64
1 0 
0 
file 2 2 6 0 0 2 1 3 1 64
1 "exp"
0 
execplot 2 2 8 0 0 4 1 0 0 64
1 ""
0 
dslsfrq 1 1 9.99999984307e+17 -9.99999984307e+17 0 3 1 1 0 64
1 0 
0 
dseq3 2 2 8 0 0 2 1 0 1 64
1 ""
0 
dseq2 2 2 8 0 0 2 1 0 1 64
1 ""
0 
dseq 2 2 8 0 0 2 1 0 1 64
1 ""
0 
dsfb 1 1 9.99999984307e+17 -9.99999984307e+17 0 3 1 1 0 64
1 0 
0 
emailaddr 2 2 8 0 0 4 1 0 1 64
1 ""
0 
edXcpmg 6 1 8192 0 0.0125 2 1 0 1 64
1 0 
0 
email_ 2 2 8 0 0 2 1 0 1 64
1 ""
0 
emailwhen 2 2 8 0 0 2 1 0 1 64
1 ""
0 
emessage 4 2 4 0 0 2 1 0 1 64
1 "n"
0 
f1SW 2 2 8 0 0 2 1 1 1 64
1 ""
0 
execprocess 2 2 8 0 0 4 1 0 0 64
1 ""
0 
execprescan 2 2 8 0 0 4 1 0 0 64
1 ""
0 
execprep 2 2 8 0 0 4 1 0 0 64
1 ""
0 
explist 2 2 8 0 0 2 1 256 1 64
1 ""
0 
execsetup 2 2 8 0 0 4 1 0 1 64
1 "solidsseq1d('setup')"
0 
exppath 2 2 8 0 0 2 1 0 1 64
1 "/home/eblaakme/vnmrsys/exp351/acqfil"
0 
fb 7 1 6 6 6 2 1 8203 1 64
1 13800 
0 
f2SW 2 2 8 0 0 2 1 1 1 64
1 ""
0 
f1coef 2 2 8 0 0 3 1 1 1 64
1 ""
0 
faculty 2 2 8 0 0 2 1 0 1 64
1 ""
0 
fdffile 2 2 8 0 0 3 1 0 1 64
1 ""
0 
fdfdir 2 2 8 0 0 3 1 0 1 64
1 ""
0 
fidid 2 2 8 0 0 2 1 0 1 64
1 ""
0 
ftproc 1 1 9.99999984307e+17 -9.99999984307e+17 0 3 1 256 1 64
2 1 8 
0 
fn1 7 1 524288 64 -2 3 1 1 1 64
1 1024 
0 
filtfile 2 2 8 0 0 3 1 0 1 64
1 ""
0 
filter 7 1 1000000000 0 1 2 1 2 1 64
1 44.0999984741 
0 
fn 7 1 524288 64 -2 3 1 1 1 64
1 524288 
0 
fpmult1 1 1 1000000000 0 0 3 2 0 0 64
1 0.5 
0 
fpmult 1 1 10 -10 0 3 1 0 0 64
1 1 
0 
frHX 4 2 4 0 0 2 1 16384 1 64
1 "dec"
0 
gf 1 1 100000 0 0 3 1 1 1 64
1 0.01388 
0 
gain 1 1 60 0 2 2 1 0 1 64
1 30 
0 
fzoom 7 1 32767 0 0 4 1 0 1 64
1 0 
0 
gain2 1 1 60 0 2 2 1 1 1 64
1 30 
0 
gfs 1 1 1000 -1000 0.001 3 1 1 0 64
1 0 
0 
gf1 1 1 100000 0 0 3 1 1 0 64
1 1 
0 
insref 1 1 9.99999984307e+17 -9.99999984307e+17 0 4 1 0 0 64
1 1 
0 
hst 3 1 0.02 0 2.5e-08 2 1 2 1 64
1 0.00800000037998 
0 
hdpwr 7 1 49 -16 1 2 1 2 1 64
1 1 
0 
gxppars 2 2 8 0 0 2 1 0 1 64
1 ""
0 
go_id 2 2 8 0 0 2 1 3 1 64
1 "exp351.eblaakme.nmrsolid850_1395164992_111141"
0 
go_Options 2 2 8 0 0 2 1 7 1 64
2 "au"
"wait"
0 
hdof 5 1 7 7 7 2 1 8194 1 64
1 0 
0 
homo2 4 2 4 0 0 2 1 0 1 64
1 "n"
2 "n" "y" 
ho 1 1 500 -500 0 4 1 1 1 64
1 -0.694444444444 
0 
homo 2 2 8 0 0 2 1 8 1 64
1 "n"
2 "n" "y" 
hs 4 2 4 0 0 2 1 0 1 64
1 "nn"
2 "n" "y" 
homo3 4 2 4 0 0 2 1 0 1 64
1 "n"
2 "n" "y" 
hsrotor 4 2 4 0 0 2 1 0 1 64
1 ""
0 
in 4 2 1 0 0 2 1 0 1 64
1 "n"
3 "n" "w" "y" 
ident 2 2 8 0 0 3 1 0 1 64
1 ""
0 
hzmm 1 1 1000000000 -1000000000 0 4 1 11 1 64
1 1999.99237061 
0 
il 2 2 1 0 0 2 1 0 1 64
1 "n"
2 "y" "n" 
ins2 1 1 9.99999984307e+17 -9.99999984307e+17 0 4 1 0 1 64
1 1 
0 
ins 3 1 8190 0 1e-07 4 1 3 1 64
1 100 
0 
ins2ref 1 1 9.99999984307e+17 -9.99999984307e+17 0 4 1 0 1 64
1 1 
0 
llamp 1 1 1000000000 0 0 4 1 0 0 64
1 0 
0 
lb1 1 1 100000 -100000 0 3 1 1 0 64
1 0.318309992552 
0 
is 1 1 1000000000 1e-06 0 4 1 3 1 64
1 500 
0 
investigator 2 2 8 0 0 2 1 0 1 64
1 ""
0 
intmod 2 2 8 0 0 4 1 0 1 64
1 "off"
3 "off" "partial" "full" 
io 1 1 500 -500 0.1 4 1 1 1 64
1 10 
0 
lb 1 1 100000 -100000 0 3 1 1 0 64
1 0.5 
0 
ival 1 1 9.99999984307e+17 -9.99999984307e+17 0 2 1 0 1 64
1 2.5 
0 
liamp 1 1 1000000000 0 0 4 1 0 0 64
1 0 
0 
lcpeak_ 7 1 32767 0 0 2 1 32768 1 64
1 0 
0 
lifrq 1 1 1000000000 -1000000000 0 4 1 0 0 64
1 0 
0 
lockgain_ 1 1 48 0 1 2 1 65552 1 64
1 36 
0 
locdir 2 2 8 0 0 2 1 0 1 64
1 ""
0 
load 2 2 4 0 0 2 1 3 1 64
1 "n"
2 "y" "n" 
llfrq 1 1 1000000000 -1000000000 0 4 1 0 0 64
1 0 
0 
loc_ 7 1 12 12 12 2 1 8201 0 64
1 0 
0 
lockfreq_ 5 1 160 0 1e-07 2 1 9 1 64
1 130.4724 
0 
longlist 2 2 8 0 0 2 1 256 1 64
1 ""
0 
lockpower_ 1 1 68 0 1 2 1 65552 1 64
1 31 
0 
lockphase_ 1 1 360 0 1 2 1 65552 1 64
1 1 
0 
lot 2 2 8 0 0 2 1 0 1 64
1 ""
0 
n3 2 2 6 0 0 4 1 3 1 64
1 ""
0 
lptrace1 7 1 32767 0 1 3 1 0 1 64
1 0 
0 
lpnupts 7 1 1000000 1 1 3 1 0 1 64
1 64 
0 
lpext 7 1 1000000 0 1 3 1 0 1 64
1 1 
0 
lpalg 2 2 8 0 0 3 1 0 1 64
1 "lpfft"
0 
lp1 1 1 10000000 -10000000 0.1 4 1 3 1 64
1 0 
0 
lpalg1 2 2 8 0 0 3 1 0 1 64
1 "lpfft"
0 
lpfilt 7 1 32767 1 1 3 1 0 1 64
1 32 
0 
lpext1 7 1 1000000 0 1 3 1 0 1 64
1 1 
0 
lpfilt1 7 1 32767 1 1 3 1 0 1 64
1 32 
0 
lpopt1 2 2 8 0 0 3 1 0 1 64
1 "b"
0 
lpopt 2 2 8 0 0 3 1 0 1 64
1 "b"
0 
lpnupts1 7 1 1000000 1 1 3 1 0 1 64
1 64 
0 
lpprint1 7 1 63 0 1 3 1 0 1 64
1 0 
0 
lpprint 7 1 63 0 1 3 1 0 1 64
1 0 
0 
lptrace 7 1 32767 0 1 3 1 0 1 64
1 0 
0 
marker2 2 2 8 0 0 2 1 0 1 64
1 ""
0 
lsfrq1 1 1 9.99999984307e+17 -9.99999984307e+17 0 3 1 0 0 64
1 0 
0 
lsfrq 1 1 9.99999984307e+17 -9.99999984307e+17 0 3 1 0 0 64
1 0 
0 
lsfid 7 1 64000 -64000 1 3 1 0 0 64
1 0 
0 
macro 2 2 6 0 0 4 1 3 1 64
1 "Mqmas3qzf2d"
0 
lvl 1 1 1000000000 -1000000000 0 4 1 1 1 64
1 0 
0 
marker1 2 2 8 0 0 2 1 0 1 64
1 ""
0 
method 2 2 6 0 0 2 1 3 1 64
1 "z1z2"
0 
markerfrq2 1 1 9.99999984307e+17 -9.99999984307e+17 0 2 1 0 1 64
1 0 
0 
markerfrq1 1 1 9.99999984307e+17 -9.99999984307e+17 0 2 1 0 1 64
1 0 
0 
math 2 2 1 0 0 3 1 3 1 64
1 "f"
3 "d" "f" "i" 
n1 2 2 6 0 0 4 1 3 1 64
1 ""
0 
modules 2 2 8 0 0 2 1 1 1 64
1 ""
0 
n2 2 2 6 0 0 4 1 3 1 64
1 ""
0 
of2Xmdfs 5 1 1000000000 -1000000000 0 2 1 0 1 64
1 0 
0 
obsSW 2 2 8 0 0 2 1 1 1 64
1 ""
0 
ni 7 1 32767 0 0 2 1 0 1 64
1 1 
0 
nameprefix 2 2 8 0 0 2 1 9 1 64
1 ""
0 
name 2 2 8 0 0 3 1 0 1 64
1 ""
0 
newmodules 2 2 8 0 0 2 1 1 1 64
1 ""
0 
np 7 1 524288 32 2 2 1 11 1 64
1 300000 
0 
notebook 2 2 8 0 0 2 1 0 1 64
1 ""
0 
nt 7 1 1000000000 1 1 2 1 2 1 64
1 2048 
0 
of1Xssdfs 5 1 1000000000 -1000000000 0 2 2 0 1 64
1 0 
0 
of1Xmdfs 5 1 1000000000 -1000000000 0 2 1 0 1 64
1 0 
0 
of1Xdfs 5 1 1000000000 -1000000000 0 2 2 0 1 64
1 1000000 
0 
of2Xdfs 5 1 1000000000 -1000000000 0 2 2 0 1 64
1 10000 
0 
of1Xwurst 5 1 1000000000 -1000000000 0 2 1 0 1 64
1 0 
0 
ofXmdfs 5 1 1000000000 -1000000000 0 2 1 0 1 64
1 0 
0 
of4Xmdfs 5 1 1000000000 -1000000000 0 2 1 0 1 64
1 0 
0 
of3Xmdfs 5 1 1000000000 -1000000000 0 2 1 0 1 64
1 0 
0 
of2Xwurst 5 1 1000000000 -1000000000 0 2 1 0 1 64
1 0 
0 
of3Xwurst 5 1 1000000000 -1000000000 0 2 1 0 1 64
1 0 
0 
ofHX 5 1 1000000000 -1000000000 0 2 1 0 1 64
1 0 
0 
of4Xwurst 5 1 1000000000 -1000000000 0 2 1 0 1 64
1 0 
0 
ofXdfs 5 1 1000000000 -1000000000 0 2 1 0 1 64
1 0 
0 
p11console 2 2 8 0 0 2 1 0 1 64
1 ""
0 
operator_ 2 2 128 0 0 2 1 4 1 64
1 "eblaakme"
0 
ofXwurst 5 1 1000000000 -1000000000 0 2 1 0 1 64
1 0 
0 
p1 6 1 13 13 13 2 1 8194 1 64
1 0 
0 
page 2 2 8 0 0 2 1 0 1 64
1 ""
0 
pad 3 1 14 14 14 2 1 8194 1 64
1 0 
0 
shownumbers 2 2 8 0 0 2 1 0 1 64
1 "v"
0 
ref 5 1 1000000000 -1000000000 0 3 4 0 1 64
1 0 
0 
pwXcpmg 6 1 8192 0 0.0125 2 1 16384 1 64
1 12.8 
0 
prescan 2 2 8 0 0 3 1 256 1 64
11 "Not done"
"Not done"
"off"
"off"
"off"
"off"
"off"
"on"
"on"
""
""
0 
plocklist 2 2 8 0 0 2 1 1 1 64
1 ""
0 
phHtppm 1 1 180 -180 0.0438 2 1 0 1 64
1 9.9864 
0 
parversion 1 1 9.99999984307e+17 -9.99999984307e+17 0 2 1 0 1 64
1 5.1 
0 
parlabel 2 2 8 0 0 2 1 5 1 64
1 ""
0 
parstyle_ 2 2 8 0 0 4 1 0 1 64
1 "ppa"
0 
phHspinal 1 1 180 -180 0.0438 2 1 0 1 64
1 8.979 
0 
phfid1 1 1 3600 -3600 0.1 3 1 0 0 64
1 0 
0 
phase 7 1 20 0 1 2 1 0 1 64
1 1 
0 
phfid 1 1 3600 -3600 0.1 3 1 0 1 64
1 -49.6216216732 
0 
pkpick_ 2 2 8 0 0 4 1 0 1 64
1 ""
0 
pp 6 1 8190 0 1e-07 2 1 2 1 64
1 46.4000053406 
0 
pltopt 4 2 4 0 0 2 1 0 1 64
1 "y"
0 
plt2Darg 2 2 8 0 0 4 1 272 1 64
8 "pos"
"7"
"1.5"
"proj"
"proj"
""
""
""
0 
plotfile 2 2 8 0 0 2 1 0 1 64
1 ""
0 
pltmod 2 2 8 0 0 4 1 0 1 64
1 "off"
5 "off" "fixed" "full" "variable" "user" 
position1 2 2 8 0 0 3 1 0 1 64
1 ""
0 
pmode 2 2 8 0 0 3 1 0 1 64
1 "partial"
0 
position2 2 2 8 0 0 3 1 0 1 64
1 ""
0 
pre_echo_acq 3 1 10 0 1e-07 2 1 0 1 64
1 0 
0 
pplvl_cf 1 1 9.99999984307e+17 -9.99999984307e+17 0 2 1 0 1 64
1 1 
0 
pplvl 1 1 63 -16 1 2 1 0 1 64
1 55 
0 
prcopt 4 2 4 0 0 2 1 0 1 64
1 "y"
0 
preacq 6 1 13 13 13 2 1 8192 0 64
1 0 
0 
pw 6 1 13 13 13 2 1 8194 1 64
1 5.99999904633 
0 
proccmd 2 2 8 0 0 3 1 3 1 64
1 "ft"
0 
probetype_ 2 2 8 0 0 2 1 0 1 64
1 "liquids"
0 
priority 7 1 32768 0 1 2 1 0 1 64
1 5 
0 
probe_ 2 2 8 0 0 2 1 8 1 64
1 "4.0_MM_PENCIL"
0 
proc 2 2 10 0 0 3 1 1 1 64
1 "ft"
0 
proc1 2 2 10 0 0 3 2 1 1 64
1 "ft"
0 
protocols 2 2 8 0 0 3 1 0 1 64
1 ""
0 
procdim 7 1 32767 0 0 3 1 0 1 64
1 1 
0 
processid 1 1 9.99999984307e+17 -9.99999984307e+17 0 2 1 0 1 64
1 0 
0 
pulsenum 1 1 500 0 1 2 1 0 1 64
1 0 
0 
pslabel 2 2 8 0 0 2 1 11 1 64
1 "wholeqcpmg"
0 
pwX180 6 1 1024 0 0.0125 2 1 0 1 64
1 0 
0 
pwH90 6 1 8192 0 0 2 1 0 1 64
1 4 
0 
pw2Xmqmas 6 1 8192 0 0.0125 2 1 0 1 64
1 0.85 
0 
pw1Xmqmas 6 1 8192 0 0.0125 2 1 0 1 64
1 2.1 
0 
pw90 6 1 13 13 13 2 1 8194 1 64
1 0 
0 
pwHtppm 6 1 8192 0 0.0125 2 1 0 1 64
1 8 
0 
pwHspinal 6 1 8192 0 0.0125 2 1 0 1 64
1 21 
0 
pwHwaltz 6 1 8192 0 0.0125 2 1 0 1 64
1 0 
0 
pwX90C1 6 1 1024 0 0.0125 2 1 0 1 64
1 0 
0 
pwX180E 6 1 512 0 0.0125 2 1 0 1 64
1 0 
0 
pwX180C2 6 1 1024 0 0.0125 2 1 0 1 64
1 0 
0 
pwX90 6 1 8192 0 0 2 1 0 1 64
1 6.5 
0 
pwX90C3 6 1 1024 0 0.0125 2 1 0 1 64
1 0 
0 
pwxlvl 1 1 63 -16 1 2 1 0 1 64
1 55 
0 
pwXwurst 6 1 8192 0 0.0125 2 1 0 1 64
1 0 
0 
pwXlock 6 1 51200 0 0.0125 2 1 0 1 64
1 0 
0 
pwXdfs 6 1 8192 0 0.0125 2 1 0 1 64
1 100 
0 
pwXecho 6 1 8192 0 0.0125 2 1 16384 1 64
1 12.8 
0 
pwXsat 6 1 1024 0 0.0125 2 1 0 1 64
1 0 
0 
pwXmdfs 6 1 8192 0 0.0125 2 1 0 1 64
1 0 
0 
pwXssdfs 6 1 8192 0 0.0125 2 1 0 1 64
1 300 
0 
pwx 6 1 13 13 13 2 1 8192 1 64
1 15 
0 
pwY90 6 1 8192 0 0 2 1 0 1 64
1 4 
0 
pwXzfsel 6 1 8192 0 0.0125 2 1 0 1 64
1 17 
0 
pwZ90 6 1 8192 0 0 2 1 0 1 64
1 4 
0 
pwx2lvl 1 1 63 -16 1 2 1 0 1 64
1 55 
0 
pwx2 6 1 13 13 13 2 1 8192 1 64
1 15 
0 
pwx2lvl_cf 1 1 9.99999984307e+17 -9.99999984307e+17 0 2 1 0 1 64
1 1 
0 
r3 1 1 1e+18 -1e+18 0 4 1 1 1 64
1 0 
0 
r1Xcpmg 6 1 8192 0 0.0125 2 1 0 1 64
1 0 
0 
queue 2 2 8 0 0 2 1 0 1 64
1 "dayQ"
0 
pwxlvl_cf 1 1 9.99999984307e+17 -9.99999984307e+17 0 2 1 0 1 64
1 1 
0 
r1 1 1 1e+18 -1e+18 0 4 1 1 1 64
1 0 
0 
r2Xcpmg 6 1 8192 0 0.0125 2 1 0 1 64
1 0 
0 
r2 1 1 1e+18 -1e+18 0 4 1 1 1 64
1 0 
0 
r6 1 1 1e+18 -1e+18 0 4 1 1 1 64
1 0 
0 
r4 1 1 1e+18 -1e+18 0 4 1 1 1 64
1 0 
0 
r3Xcpmg 6 1 8192 0 0.0125 2 1 0 1 64
1 0 
0 
r5 1 1 1e+18 -1e+18 0 4 1 1 1 64
1 0 
0 
rcvrs 4 2 4 0 0 2 1 1 1 64
1 "y"
2 "n" "y" 
r7 1 1 1e+18 -1e+18 0 4 1 1 1 64
1 0 
0 
rd 6 1 8192 0 0.0125 2 1 0 1 64
1 4 
0 
sc2 1 1 3 3 3 4 1 8195 1 64
1 0 
0 
rp 1 1 10000000 -10000000 0.1 4 1 3 1 64
1 10.1538130597 
0 
rfband 4 2 4 0 0 2 1 0 1 64
1 "ccc"
3 "c" "h" "l" 
refpos 1 1 9.99999984307e+17 -9.99999984307e+17 0 4 1 0 1 64
1 -26303.2486181 
0 
reffrq 1 1 9.99999984307e+17 -9.99999984307e+17 0 4 1 0 1 64
1 83.2503599824 
0 
ref1 5 1 1000000000 -1000000000 0 3 5 0 1 64
1 0 
0 
reffrq1 1 1 9.99999984307e+17 -9.99999984307e+17 0 4 1 0 1 64
1 83.276663231 
0 
refsource1 2 2 8 0 0 3 1 0 1 64
1 "sfrq"
0 
refpos1 1 1 9.99999984307e+17 -9.99999984307e+17 0 4 1 0 0 64
1 0 
0 
researchgroup 2 2 8 0 0 2 1 0 1 64
1 ""
0 
rfp1 1 1 1000000000 -1000000000 0 4 1 1 1 64
1 0 
0 
rfl1 1 1 1000000000 -1000000000 0 4 1 1 1 64
1 72116.2310374 
0 
rfl 1 1 1000000000 -1000000000 0 4 1 1 1 64
1 245812.982419 
0 
rfp 1 1 1000000000 -1000000000 0 4 1 1 1 64
1 0 
0 
rof2 6 1 13 13 13 2 1 8194 1 64
1 4 
0 
rof1 6 1 13 13 13 2 1 8194 1 64
1 2 
0 
rof3 6 1 8192 0 0.0125 2 1 16384 1 64
1 0 
0 
satpwr 1 1 63 -16 1 2 1 0 1 64
1 0 
0 
sampleowner 2 2 8 0 0 2 1 0 1 64
1 ""
0 
sample 2 2 8 0 0 2 1 1 1 64
1 ""
0 
rp1 1 1 10000000 -10000000 0.1 4 1 3 1 64
1 0 
0 
samplename 2 2 8 0 0 2 1 8 1 64
1 ""
0 
satfrq 5 1 1000000000 -1000000000 0 2 1 0 1 64
1 0 
0 
satdly 3 1 14 14 14 2 1 8192 1 64
1 0 
0 
satmode 4 2 4 0 0 2 1 0 1 64
1 "n"
0 
sb1 1 1 1000 -1000 0.001 3 1 1 0 64
1 0 
0 
saveshapes 2 2 8 0 0 2 1 256 1 64
1 ""
0 
saveglobal_ 2 2 8 0 0 3 1 0 1 64
19 "probe"
"lcpeak"
"loc"
"lockpower"
"lockgain"
"lockphase"
"lockfreq"
"z0"
"lkof"
"vloc"
"vrack"
"vzone"
"vproto"
"pkpick"
"parstyle"
"operator"
"studyid"
"systemname"
"probetype"
0 
sb 1 1 1000 -1000 0.001 3 1 0 0 64
1 0 
0 
sbs1 1 1 1000 -1000 0.001 3 1 1 0 64
1 0 
0 
sbs 1 1 1000 -1000 0.001 3 1 1 0 64
1 0 
0 
sc 1 1 1 1 1 4 1 8195 1 64
1 0 
0 
sf1 1 1 9.99999984307e+17 -9.99999984307e+17 0 4 1 0 1 64
1 0 
0 
sdirtmplt 2 2 8 0 0 2 1 0 1 64
1 ""
0 
scans 2 2 8 0 0 3 1 0 1 64
1 ""
0 
scalesw1 1 1 9.99999984307e+17 -9.99999984307e+17 0 3 1 0 1 64
1 0.705882352941 
0 
scoutinfo 2 2 8 0 0 2 1 256 1 64
1 ""
0 
sf 1 1 8190 0 1e-07 4 1 3 1 64
1 0.283456 
0 
seqfil 2 2 8 0 0 2 1 11 1 64
1 "wholeqcpmg"
0 
showarray 2 2 8 0 0 2 1 0 1 64
1 "horiz"
0 
shHX 4 2 4 0 0 2 1 0 1 64
1 "l"
0 
sfrq 1 1 1000000000 0 0 2 1 11 1 64
1 83.254547 
0 
shims 2 2 8 0 0 2 1 0 1 64
1 "111013_1.6mm"
0 
showcontent 2 2 8 0 0 2 1 0 1 64
1 "s"
0 
vo 1 1 500 -500 0 4 1 1 1 64
1 15.1911242156 
0 
temp 1 1 200 -150 0.1 2 1 8 0 64
1 20 
0 
studyowner 2 2 8 0 0 2 1 0 1 64
1 "eblaakme"
0 
strtext1 7 1 1000000 1 1 3 1 0 1 64
1 1 
0 
sp1 1 1 1000000000 -1000000000 0 4 1 3 1 64
1 -72116.2310374 
0 
shownumy 1 1 9.99999984307e+17 -9.99999984307e+17 0 2 1 0 1 64
1 0 
0 
shownumstyle 2 2 8 0 0 2 1 0 1 64
1 "auto"
0 
shownumx 1 1 9.99999984307e+17 -9.99999984307e+17 0 2 1 0 1 64
1 0 
0 
solvent 2 2 6 0 0 2 1 11 1 64
1 "CDCl3"
0 
sn 1 1 1e+18 -1e+18 0 3 1 1 1 64
1 50 
0 
sp 1 1 1000000000 -1000000000 0 4 1 3 1 64
1 -245811.07507 
0 
sreffrq 1 1 9.99999984307e+17 -9.99999984307e+17 0 2 1 0 1 64
1 83.276663231 
0 
spin 1 1 40000 0 1 2 1 0 0 64
1 15625 
0 
srate 5 1 1000000000 -1000000000 0 2 1 1 1 64
1 5000 
0 
sspul 4 2 4 0 0 2 1 0 1 64
1 "n"
0 
ss 7 1 32767 -32768 0 2 1 0 1 64
1 0 
0 
strtext 7 1 1000000 1 1 3 1 0 1 64
1 1 
0 
study 2 2 8 0 0 3 1 0 1 64
1 ""
0 
strtlp1 7 1 1000000 1 1 3 1 0 1 64
1 2 
0 
strtlp 7 1 1000000 1 1 3 1 0 1 64
1 2 
0 
strtpar 2 2 8 0 0 2 1 0 1 64
1 ""
0 
studyid_ 2 2 8 0 0 2 1 0 1 64
1 "tmpstudy"
0 
t1Xcpmg 6 1 8192 0 0.0125 2 1 16384 1 64
1 64 
0 
sw 1 1 5 5 5 2 2 8203 1 64
1 500000 
0 
svfopt 4 2 4 0 0 2 1 0 1 64
1 "y"
0 
studystatus 2 2 8 0 0 2 1 0 1 64
1 "Empty"
0 
studytime 1 1 9.99999984307e+17 -9.99999984307e+17 0 2 1 0 1 64
1 0 
0 
svftmplt 2 2 8 0 0 2 1 0 1 64
1 ""
0 
swXssdfs 5 1 1000000000 -1000000000 0 2 1 0 1 64
1 12.5 
0 
sw1 1 1 5000000 1 -1.25e-08 2 1 0 1 64
1 100000 
0 
systemname_ 2 2 8 0 0 2 1 0 1 64
1 "nmrsolid850-vnmrs850"
0 
tau1Xecho 6 1 50000 0 0.0125 2 1 0 1 64
1 0 
0 
tHX 6 1 50000 0 0.0125 2 1 0 1 64
1 1000 
0 
t2Xcpmg 6 1 8192 0 0.0125 2 1 16384 1 64
1 64 
0 
t1Xecho 6 1 50000 0 0.0125 2 1 16384 1 64
1 1088 
0 
t2Xecho 6 1 50000 0 0.0125 2 1 16384 1 64
1 64 
0 
tXzfsel 6 1 50000 0 0.0125 2 1 0 1 64
1 100 
0 
tau_postssdfs 3 1 0.02 0 1e-07 2 3 0 1 64
1 1e-05 
0 
tauXcpmg 6 1 8192 0 0.0125 2 1 16384 1 64
1 2176 
0 
tau2Xecho 6 1 50000 0 0.0125 2 1 0 1 64
1 0 
0 
tau_echo 3 1 500 0 1e-07 2 1 0 1 64
1 0.0002 
0 
tau_sat 3 1 100000000 0 1e-06 2 1 0 1 64
1 0 
0 
tau_recovery 3 1 100000000 0 1e-06 2 1 0 1 64
1 0 
0 
tau_sync 6 1 8192 0 0.0125 2 1 0 1 64
1 0 
0 
tnref 2 2 8 0 0 4 1 1 1 64
1 ""
0 
time_run 2 2 8 0 0 2 1 0 1 64
1 "20140318T204050"
0 
time_complete 2 2 8 0 0 4 1 0 1 64
1 "20140318T223327"
0 
th 1 1 1000000000 0 0 4 1 1 1 64
1 5 
0 
text_string 2 2 8 0 0 4 1 256 1 64
1 ""
0 
th2d 1 1 1 1e-18 0 4 1 17 1 64
1 0.8 
0 
time_plotted 2 2 8 0 0 3 1 0 1 64
1 ""
0 
time_exp 2 2 8 0 0 2 1 0 1 64
1 "5 sec"
0 
time_processed 2 2 8 0 0 3 1 0 1 64
1 "20140319T090909"
0 
time_svfdate 2 2 8 0 0 2 1 0 1 64
1 "20140318T184952"
0 
time_submitted 2 2 8 0 0 2 1 0 1 64
1 "20140318T184952"
0 
time_saved 2 2 8 0 0 4 1 0 1 64
1 "20140319T091359"
0 
time_submitted_local 2 2 8 0 0 2 1 0 1 64
1 "20140318T184952X06PMTueMar"
0 
tlt 1 1 1000000000 -1000000000 0 4 1 1 1 64
1 0 
0 
tin 2 2 1 0 0 2 1 2 1 64
1 "n"
3 "n" "w" "y" 
tn 2 2 4 0 0 2 1 8 1 64
1 "Cl35"
0 
trapXwurst 1 1 2 0 1 2 1 0 1 64
1 0 
0 
tpwr 7 1 63 -16 1 2 1 2 1 64
1 60 
0 
toHX 4 2 4 0 0 2 1 16384 1 64
1 "obs"
0 
tnshapes 2 2 8 0 0 2 1 256 1 64
3 ""
""
""
0 
tof 5 1 7 7 7 2 1 8202 1 64
1 -8080.4 
0 
trace 2 2 2 0 0 4 1 3 1 64
1 "f2"
2 "f1" "f2" 
tpwr_cf 1 1 9.99999984307e+17 -9.99999984307e+17 0 2 1 0 1 64
1 1 
0 
trapXdfs 1 1 2 0 1 2 1 0 1 64
1 0 
0 
vf 1 1 1000000000 0 0 4 1 3 1 64
1 37383.4 
0 
user 2 2 9 0 0 2 1 1 1 64
1 " 1-14-87"
0 
tunemethod 2 2 8 0 0 2 1 0 1 64
1 "n"
0 
username 2 2 8 0 0 2 1 0 1 64
1 "eblaakme"
0 
vjdialogarg 2 2 8 0 0 4 1 256 1 64
1 ""
0 
vjdialog 2 2 8 0 0 4 1 256 1 64
1 ""
0 
vloc_ 2 2 8 0 0 2 1 8 1 64
1 "A0"
0 
z1 7 1 19 19 19 2 1 8192 1 64
1 0 
0 
wtfile1 2 2 15 0 0 3 2 1 1 64
1 ""
0 
wc2 1 1 4 4 4 4 1 8195 1 64
1 142 
0 
vs2d 1 1 1000000000 1e-06 0 4 1 3 1 64
1 24472.622431 
0 
vpfi 1 1 500 -500 0 4 1 0 1 64
1 0 
0 
vpf 1 1 500 -500 0 4 1 0 1 64
1 -3.08307692307 
0 
vp 7 1 500 -500 0.1 4 1 3 1 64
1 35.647146562 
0 
vrack_ 7 1 5 1 0 2 1 0 1 64
1 1 
0 
vproto_ 2 2 8 0 0 2 1 0 1 64
1 ""
0 
vs 1 1 1000000000 1e-06 0 4 1 3 1 64
1 555.707 
0 
vtwait 3 1 14 14 14 2 1 8194 1 64
1 300 
0 
vtc 1 1 250 -100 0.1 2 1 2 1 64
1 -100 
0 
vsproj 1 1 1000000000 1e-06 0 4 1 3 1 64
1 2326.15388082 
0 
wbs 2 2 6 0 0 3 1 3 1 64
1 ""
0 
vzone_ 7 1 15 1 0 2 1 0 1 64
1 1 
0 
wc 1 1 2 2 2 4 1 8203 1 64
1 250 
0 
wnt 2 2 6 0 0 3 1 3 1 64
1 ""
0 
wexp 2 2 6 0 0 3 1 3 1 64
1 ""
0 
wds 2 2 8 0 0 3 1 0 1 64
1 ""
0 
wdone 2 2 8 0 0 3 1 0 1 64
1 ""
0 
werr 2 2 6 0 0 3 1 3 1 64
1 ""
0 
wf1 1 1 9.99999984307e+17 -9.99999984307e+17 0 4 1 0 1 64
1 0.00512 
0 
wf 1 1 8190 0 1e-07 4 1 3 1 64
1 0.016314 
0 
wrtp 2 2 8 0 0 4 1 0 1 64
1 "reset_mqmas"
0 
wp1 1 1 100000 0 0 4 1 3 1 64
1 100000 
0 
wp 1 1 5000000 0 0 4 1 11 1 64
1 499998.092651 
0 
wqinit 2 2 8 0 0 4 1 0 1 64
1 ""
0 
wstart 2 2 8 0 0 3 1 0 1 64
1 ""
0 
wshim 4 2 4 0 0 2 1 1 1 64
1 "n"
15 "e" "f" "g" "n" "s" "0" "1" "2" "3" "4" "5" "6" "7" "8" "9" 
wtfile 2 2 15 0 0 3 1 1 1 64
1 ""
0 
xz 7 1 19 19 19 2 1 8192 1 64
1 0 
0 
x3 7 1 19 19 19 2 1 8192 1 64
1 0 
0 
x1 7 1 19 19 19 2 1 8192 1 64
1 0 
0 
wtune 4 2 4 0 0 2 1 0 1 64
1 "n"
11 "s" "t" "e" "i" "n" "o" "v" "1" "2" "3" "4" 
x2y2 7 1 19 19 19 2 1 8192 1 64
1 0 
0 
xdiag 1 1 1e+18 0 0 4 1 17 1 64
1 0 
0 
x4 7 1 19 19 19 2 1 8192 1 64
1 0 
0 
xy 7 1 19 19 19 2 1 8192 1 64
1 0 
0 
y4 7 1 19 19 19 2 1 8192 1 64
1 0 
0 
y1 7 1 19 19 19 2 1 8192 1 64
1 0 
0 
xz2 7 1 19 19 19 2 1 8192 1 64
1 0 
0 
y3 7 1 19 19 19 2 1 8192 1 64
1 0 
0 
yz2 7 1 19 19 19 2 1 8192 1 64
1 0 
0 
yz 7 1 19 19 19 2 1 8192 1 64
1 0 
0 
z0_ 1 1 19 19 19 2 1 73744 1 64
1 0 
0 
z3y3 7 1 19 19 19 2 1 8192 1 64
1 0 
0 
z3 7 1 19 19 19 2 1 8192 1 64
1 0 
0 
z2x2y2 7 1 19 19 19 2 1 8192 1 64
1 0 
0 
z2 7 1 19 19 19 2 1 8192 1 64
1 0 
0 
z1c 7 1 19 19 19 2 1 8192 1 64
1 -1044 
0 
z2c 7 1 19 19 19 2 1 8192 1 64
1 196 
0 
z2xy 7 1 19 19 19 2 1 8192 1 64
1 0 
0 
z2x3 7 1 19 19 19 2 1 8192 1 64
1 0 
0 
z2y3 7 1 19 19 19 2 1 8192 1 64
1 0 
0 
z3x3 7 1 19 19 19 2 1 8192 1 64
1 0 
0 
z3x 7 1 19 19 19 2 1 8192 1 64
1 0 
0 
z3c 7 1 19 19 19 2 1 8192 1 64
1 0 
0 
z3x2y2 7 1 19 19 19 2 1 8192 1 64
1 0 
0 
z3y 7 1 19 19 19 2 1 8192 1 64
1 0 
0 
z3xy 7 1 19 19 19 2 1 8192 1 64
1 0 
0 
z5x 7 1 19 19 19 2 1 8192 1 64
1 0 
0 
z4x2y2 7 1 19 19 19 2 1 8192 1 64
1 0 
0 
z4c 7 1 19 19 19 2 1 8192 1 64
1 0 
0 
z4 7 1 19 19 19 2 1 8192 1 64
1 0 
0 
z4x 7 1 19 19 19 2 1 8192 1 64
1 0 
0 
z4y 7 1 19 19 19 2 1 8192 1 64
1 0 
0 
z4xy 7 1 19 19 19 2 1 8192 1 64
1 0 
0 
z5 7 1 19 19 19 2 1 8192 1 64
1 0 
0 
z8 7 1 19 19 19 2 1 8192 1 64
1 0 
0 
z6 7 1 19 19 19 2 1 8192 1 64
1 0 
0 
z5y 7 1 19 19 19 2 1 8192 1 64
1 0 
0 
z7 7 1 19 19 19 2 1 8192 1 64
1 0 
0 
zx2y2 7 1 19 19 19 2 1 8192 1 64
1 0 
0 
zoom 7 1 32767 0 0 4 1 0 1 64
1 0 
0 
zxy 7 1 19 19 19 2 1 8192 1 64
1 0 
0 
zx3 7 1 19 19 19 2 1 8192 1 64
1 0 
0 
zy3 7 1 19 19 19 2 1 8192 1 64
1 0 
0 
