##TITLE= Parameter file, TOPSPIN		Version 3.1
##JCAMPDX= 5.0
##DATATYPE= Parameter Values
##NPOINTS= 41561	$$ modification sequence number
##ORIGIN= Bruker BioSpin GmbH
##OWNER= nmr
$$ 2013-03-25 13:07:26.836 +0100  solidnmr@rmn800av.univ-lille1.fr
$$ /opt/topspin3.1/conf/instr/spect/specpar
$$ process /opt/topspin3.1/prog/mod/cprserver
##$HPPRECH= (0..15)
-1 6 0 4 -1 -1 -1 -1 -1 -1 -1 -1 -1 -1 -1 -1
##$NUC1= 24
##$NUC2= 0
##$NUC3= 2
##$NUC4= 0
##$NUC5= 0
##$NUC6= 0
##$NUC7= 0
##$NUC8= 0
##$NUCARR= (0..123)
853.450455 853.450455 800.13 752.87441 609.534529 461.545693 457.05986
323.898561 310.960899 298.373534 285.104394 261.806169 261.792526 256.713501
252.439167 244.999806 244.013278 227.266469 222.517641 216.087252 212.158254
211.649587 210.457778 209.391957 208.488746 201.192849 200.46441 198.912318
198.34597 195.841179 194.365555 192.351252 192.042034 191.475726 189.847437
182.042377 180.226082 180.095869 177.574251 175.329518 174.954465 172.002218
170.747742 169.75142 167.391989 160.085898 158.963323 152.596897 143.30986
140.017197 137.003171 128.575194 122.824827 117.747819 113.023491 112.432771
108.469279 105.571553 104.946187 103.690583 95.932386 91.246825 88.917871
87.854274 85.963231 81.076469 79.775433 79.488571 78.396009 77.252095 74.382469
71.500025 66.330777 65.962085 65.256402 65.05857 63.164631 62.133295 61.417979
57.800471 53.848981 53.23821 52.901259 52.14388 50.062558 48.981038 45.227316
45.119627 45.107601 43.607085 41.748559 41.297662 39.207954 38.574267 38.566266
37.33705 37.234314 36.847195 36.614749 34.67621 33.365421 33.336512 32.387814
32.245239 32.061209 30.785802 27.911055 27.524472 27.524472 26.884368 25.906433
25.495718 24.563991 23.043744 20.49377 20.139272 18.261615 14.970432 14.733594
13.834248 13.746233 14.733594 100 100
##$OFFSF= (0..7)
0 0 0 0 0 0 0 0
##$OFFSH= (0..7)
3763.49999999093 2300 0 0 0 0 0 0
##$OFFSX= (0..7)
6717.69999999583 4284.61 8640.9 0 0 0 0 0
##$PRECHAN= (0..15)
-1 3 -1 4 5 2 -1 -1 -1 -1 -1 -1 -1 -1 -1 -1
##$RECPRE= (0..15)
-1 0 -1 -1 -1 -1 -1 -1 -1 -1 -1 -1 -1 -1 -1 -1
##$RECSEL= (0..15)
0 0 0 0 1 0 0 0 0 0 0 0 0 0 0 0
##$SELREC= (0..9)
0 0 0 0 0 0 0 0 0 0
##$SFO1= 208.495464
##$SFO2= 853.450455
##$SFO3= 800.133764
##$SFO4= 853.450455
##$SFO5= 752.800455
##$SFO6= 752.800455
##$SFO7= 752.800455
##$SFO8= 752.800455
##END=
