##TITLE= Parameter file, TOPSPIN		Version 3.2
##JCAMPDX= 5.0
##DATATYPE= Parameter Values
##NPOINTS= 26	$$ modification sequence number
##ORIGIN= Bruker BioSpin GmbH
##OWNER= nmr
$$ 2021-02-25 15:31:09.036 +0100  nmr@av300.wurnet.nl
$$ /opt/data/Wouter/20210225_diffusion/40/acqus
$$ process /opt/topspin3.2/prog/mod/go
##$ACQT0= 0
##$AMP= (0..31)
100 100 100 100 100 100 100 100 100 100 100 100 100 100 100 100 100 100
100 100 100 100 100 100 100 100 100 100 100 100 100 100
##$AMPCOIL= (0..19)
0 0 0 0 0 0 0 0 0 0 0 0 0 0 0 0 0 0 0 0
##$ANAVPT= -1
##$AQSEQ= 0
##$AQ_mod= 3
##$AUNM= <au_zgonly>
##$AUTOPOS= <>
##$BF1= 300.13
##$BF2= 300.13
##$BF3= 300.13
##$BF4= 300.13
##$BF5= 300.13
##$BF6= 300.13
##$BF7= 300.13
##$BF8= 300.13
##$BYTORDA= 0
##$CAGPARS= (0..11)
1 1 1 1 0 0 0 1 0 0 0 1
##$CFDGTYP= 0
##$CFRGTYP= 9
##$CHEMSTR= <none>
##$CNST= (0..63)
0.104823 0 30 20.98557 1 1 1 1 90 1 1 0 1 1 1 1 1 1 1 1 1 0 1 1 1 0 1 1
1 1 1 20.98557 1 1 1 1 1 1 1 1 1 1 1 1 1 1 1 1 1 1 1 1 1 1 1 1 1 1 1 1
1 1 1 1
##$CPDPRG= (0..8)
<> <mlev> <spinal64> <mlev> <mlev> <mlev> <mlev> <mlev> <mlev>
##$D= (0..63)
3e-06 8 0.001 3e-06 2e-05 9.5e-06 1.5e-05 3e-06 5 0.0967645 0.0165645 2e-05
0 0 0 0 0.0002 0.0004 0.0001 0 0.10006 0.002 1e-06 0 0.02 1e-06 0.001 1e-06
0.001 1e-06 0.0001 0 0 0 0 2.337501e-05 0 0 0 0 0.001 0.0001 0 0 0 0 0
0 0 0 0 0 0 0 0 0 0 0 0 0 0 0 0 0
##$DATE= 1614262385
##$DE= 20.60001
##$DECBNUC= <off>
##$DECIM= 400
##$DECNUC= <off>
##$DECSTAT= 4
##$DIGMOD= 3
##$DIGTYP= 12
##$DQDMODE= 0
##$DR= 21
##$DS= 0
##$DSPFIRM= 4
##$DSPFVS= 21
##$DTYPA= 0
##$EXP= <>
##$F1LIST= <>
##$F2LIST= <>
##$F3LIST= <>
##$FCUCHAN= (0..9)
0 2 2 0 0 0 0 0 0 0
##$FL1= 90
##$FL2= 90
##$FL3= 90
##$FL4= 90
##$FOV= 20
##$FQ1LIST= <freqlist>
##$FQ2LIST= <MM_MT_list_2>
##$FQ3LIST= <freqlist>
##$FQ4LIST= <freqlist>
##$FQ5LIST= <freqlist>
##$FQ6LIST= <freqlist>
##$FQ7LIST= <freqlist>
##$FQ8LIST= <freqlist>
##$FRQLO3= 1300000
##$FRQLO3N= 0
##$FS= (0..7)
83 83 83 83 83 83 83 83
##$FTLPGN= 0
##$FW= 625000
##$FnMODE= 0
##$FnTYPE= 0
##$GPNAM= (0..31)
<sine.100> <sine.100> <sine.100> <sine.100> <sine.100> <sine.100> <sine.100>
<sine.100> <sine.100> <sine.100> <sine.100> <sine.100> <sine.100> <sine.100>
<sine.100> <sine.100> <sine.100> <sine.100> <sine.100> <sine.100> <sine.100>
<sine.100> <sine.100> <sine.100> <sine.100> <sine.100> <sine.100> <sine.100>
<sine.100> <sine.100> <sine.100> <20210225_diffusion_4>
##$GPX= (0..31)
0 0 0 0 0 0 0 0 0 0 0 0 0 0 0 0 0 0 0 0 0 0 0 0 0 0 0 0 0 0 0 0
##$GPY= (0..31)
0 0 0 0 0 0 0 0 0 0 0 0 0 0 0 0 0 0 0 0 0 0 0 0 0 0 0 0 0 0 0 0
##$GPZ= (0..31)
0 0 0 0 0 0 0 0 0 0 0 0 0 0 0 0 0 0 0 0 0 0 0 0 0 0 0 0 0 0 0 0
##$GRDPROG= <grad_out>
##$GRPDLY= 76
##$HDDUTY= 20
##$HDRATE= 20
##$HGAIN= (0..3)
2000 0 0 0
##$HL1= 0
##$HL2= 90
##$HL3= 90
##$HL4= 90
##$HOLDER= 0
##$HPMOD= (0..7)
0 0 0 0 0 0 0 0
##$HPPRGN= 0
##$IN= (0..63)
6.3e-05 0 0 0 0 0 0 0 0 0 0 0 0 0 0 0 0 0 -107.3741824 0 0 0 0 0 0 0 0
0 0 0 0 0 0.001 0.001 0.001 0.001 0.001 0.001 0.001 0.001 0.001 0.001 0.001
0.001 0.001 0.001 0.001 0.001 0.001 0.001 0.001 0.001 0.001 0.001 0.001
0.001 0.001 0.001 0.001 0.001 0.001 0.001 0.001 0.001
##$INF= (0..7)
0 333.2 0 0 0 0 0 0
##$INP= (0..63)
0 0 0 0 0 0 0 0 0 0 0 0 0 0 0 0 0 0 0 0 0 0 0 0 0 0 0 0 0 0 0 0 0 0 0 0
0 0 0 0 0 0 0 0 0 0 0 0 0 0 0 0 0 0 0 0 0 0 0 0 0 0 0 0
##$INSTRUM= <av_300>
##$L= (0..31)
0 1 1 1 1 1 1 1 25 1 1 1 1 0 1 1 1 1 1 1 1 0 1 1 1 1 1 1 1 1 1 27
##$LFILTER= -1
##$LGAIN= -1
##$LINPSTP= 0
##$LOCKED= no
##$LOCKFLD= -1
##$LOCKGN= -1
##$LOCKPOW= -1
##$LOCKPPM= -1
##$LOCNUC= <off>
##$LOCPHAS= -1
##$LOCSHFT= no
##$LOCSW= 0
##$LTIME= -1
##$MASR= 3000
##$MASRLST= <masrlst>
##$MULEXPNO= (0..15)
0 0 0 0 0 0 0 0 0 0 0 0 0 0 0 0
##$NBL= 1
##$NC= -5
##$NLOGCH= 2
##$NOVFLW= 0
##$NS= 8
##$NUC1= <1H>
##$NUC2= <1H>
##$NUC3= <off>
##$NUC4= <off>
##$NUC5= <off>
##$NUC6= <off>
##$NUC7= <off>
##$NUC8= <off>
##$NUCLEUS= <off>
##$NUSLIST= <automatic>
##$NusAMOUNT= 25
##$NusFPNZ= no
##$NusJSP= 0
##$NusSEED= 54321
##$NusT2= 1
##$NusTD= 0
##$O1= -2484.11
##$O2= 0
##$O3= 4527.59
##$O4= 4527.59
##$O5= 4527.59
##$O6= 4527.59
##$O7= 4527.59
##$O8= 4527.59
##$OVERFLW= 0
##$P= (0..63)
4 35.5 71 6 1.5 17.16 26 52 20000 3.2 0 80000 80000 1000 0.7 2000 1000
2500 100000 600 0 0 0 0 0 126 100000 4 1000 1000 3 0 20000 0 0 0 0 0 0
0 2000 0 0 0 300 0 80000 0 0 0 0 0 0 0 0 0 0 0 0 0 0 0 0 0
##$PACOIL= (0..15)
0 0 0 0 0 0 0 0 0 0 0 0 0 0 0 0
##$PAPS= 0
##$PARMODE= 1
##$PCPD= (0..9)
100 90 5 100 100 100 100 100 100 100
##$PEXSEL= (0..9)
1 1 1 1 1 1 1 1 1 1
##$PHCOR= (0..31)
0 0 0 0 0 0 0 0 0 75 0 0 0 0 0 0 0 0 0 0 0 0 0 0 0 0 0 0 0 0 0 0
##$PHLIST= <>
##$PHP= 1
##$PH_ref= 250
##$PL= (0..63)
120 -3 120 2 120 3 120 120 120 120 120 120 9 6.4 120 120 120 120 120 120
120 120 120 120 120 120 120 120 120 120 120 120 120 120 120 120 120 120
120 120 120 120 120 120 120 120 120 120 120 120 120 120 120 120 120 120
120 120 120 120 120 120 120 120
##$PLSTEP= 0.1
##$PLSTRT= -6
##$PLW= (0..63)
-1 39.81072 0 0 0 -1 -1 -1 -1 3.2e-05 1.1834 0.066116 0 0 0.02371374 0
0 -1 50 0.098765 -1 0 -1 0 0 0 0 0.20156 -1 1.1834 0 0 1.28e-06 -1 -1 -1
0 -1 -1 -1 -1 -1 -1 -1 -1 -1 -1 -1 -1 -1 -1 -1 -1 -1 -1 -1 -1 -1 -1 -1
-1 -1 -1 -1
##$PLWMAX= (0..7)
68 0 0 0 0 0 0 0
##$POWMOD= 0
##$PQPHASE= 0
##$PQSCALE= 0
##$PR= 1
##$PRECHAN= (0..15)
-1 -1 0 -1 -1 -1 -1 -1 -1 -1 -1 -1 -1 -1 -1 -1
##$PRGAIN= 0
##$PROBHD= <25 mm MIC 1H XYZ-GRD XYX001/01112017
>
##$PULPROG= <D_Bluemich>
##$PW= 0
##$PYNM= <acqu.py>
##$QNP= 1
##$RD= 0
##$RECCHAN= (0..15)
0 2 0 0 0 0 0 0 0 0 0 0 0 0 0 0
##$RECPH= 0
##$RECPRE= (0..15)
-1 0 -1 -1 -1 -1 -1 -1 -1 -1 -1 -1 -1 -1 -1 -1
##$RECPRFX= (0..15)
1 0 0 0 0 0 0 0 0 0 0 0 0 0 0 0
##$RECSEL= (0..15)
0 0 1 0 0 0 0 0 0 0 0 0 0 0 0 0
##$RG= 0.25
##$RO= 0
##$ROUTWD1= (0..23)
1 16 2 2 2 2 2 2 0 0 0 1 0 0 0 1 0 0 0 0 0 0 0 0
##$ROUTWD2= (0..23)
1 1 2 2 2 2 2 2 0 0 0 0 0 0 1 1 1 1 0 0 0 0 0 0
##$RSEL= (0..15)
0 0 2 0 0 0 0 0 0 0 0 0 0 0 0 0
##$S= (0..7)
0 63 63 63 63 63 63 63
##$SELREC= (0..9)
0 0 0 0 0 0 0 0 0 0
##$SFO1= 300.12751589
##$SFO2= 300.13
##$SFO3= 300.13452759
##$SFO4= 300.13452759
##$SFO5= 300.13452759
##$SFO6= 300.13452759
##$SFO7= 300.13452759
##$SFO8= 300.13452759
##$SOLVENT= <H2O+D2O>
##$SOLVOLD= <off>
##$SP= (0..63)
9 6 6.5 0 0 0 0 0 0 0 0 0 0 0 0 0 150 150 150 150 150 150 150 150 150 150
150 150 150 150 150 150 120 120 120 120 120 120 120 120 120 120 120 120
120 120 120 120 120 120 120 120 120 120 120 120 120 120 120 120 120 120
120 120
##$SPECTR= 0
##$SPINCNT= 0
##$SPNAM= (0..63)
<ramp.100> <Gaus1_270.1000> <Gaus1_180r.1000> <gauss> <gauss> <Squa100.1000>
<Squa100.1000> <gauss> <Squa100.1000> <gauss> <Squa100.1000> <Squa100.1000>
<gauss> <gauss> <gauss> <gauss> <gauss> <gauss> <gauss> <Sinc1.1000> <Sinc1.1000>
<Sinc1.1000> <Sinc1.1000> <gauss> <gauss> <gauss> <gauss> <gauss> <gauss>
<Crp60,20,20.10> <Bip720,50,20.1> <gauss> <> <> <Gaus1_180r.1000> <> <>
<> <> <> <> <> <> <> <> <> <> <> <> <> <> <> <> <> <> <> <> <> <> <> <>
<> <> <>
##$SPOAL= (0..63)
0.5 1 0.5 0.5 0.5 0.5 0.5 0.5 0.5 0.5 0.5 0.5 0.5 0.5 0.5 0.5 0.5 0.5 0.5
1 1 1 1 0.5 0.5 0.5 0.5 0.5 0.5 0.5 0.5 0.5 0.5 0.5 0.5 0.5 0.5 0.5 0.5
0.5 0.5 0.5 0.5 0.5 0.5 0.5 0.5 0.5 0.5 0.5 0.5 0.5 0.5 0.5 0.5 0.5 0.5
0.5 0.5 0.5 0.5 0.5 0.5 0.5
##$SPOFFS= (0..63)
0 0 0 0 0 0 0 0 0 0 0 0 0 0 0 0 0 0 0 0 0 0 0 0 0 0 0 0 0 0 0 0 0 0 0 0
0 0 0 0 0 0 0 0 0 0 0 0 0 0 0 0 0 0 0 0 0 0 0 0 0 0 0 0
##$SPPEX= (0..63)
0 0 0 0 0 0 0 0 0 0 0 0 0 0 0 0 0 0 0 0 0 0 0 0 0 0 0 0 0 0 0 0 0 0 0 0
0 0 0 0 0 0 0 0 0 0 0 0 0 0 0 0 0 0 0 0 0 0 0 0 0 0 0 0
##$SPW= (0..63)
-1 6.6412e-06 2.9517e-06 -1 -1 0.0008 3.2e-05 -1 8e-08 -1 0.0008 0.0008
-1 -1 -1 -1 -1 -1 -1 4.711639e-06 7.32409e-06 3.419831e-06 1.844287e-05
-1 -1 -1 -1 -1 -1 0.030558 0.56889 -1 -1 -1 2.9517e-06 -1 -1 -1 -1 -1 -1
-1 -1 -1 -1 -1 -1 -1 -1 -1 -1 -1 -1 -1 -1 -1 -1 -1 -1 -1 -1 -1 -1 -1
##$SUBNAM= (0..9)
<""> <""> <""> <""> <""> <""> <""> <""> <""> <"">
##$SW= 166.595854604433
##$SWIBOX= (0..19)
0 0 2 0 0 0 0 0 0 0 0 0 0 0 0 0 0 0 0 0
##$SW_h= 50000
##$SWfinal= 0
##$TD= 99994
##$TD0= 1
##$TE= 690.2
##$TE1= 300
##$TE2= 300
##$TE3= 300
##$TE4= 300
##$TEG= 300
##$TE_PIDX= 0
##$TE_STAB= (0..9)
0 0 0 0 0 0 0 0 0 0
##$TL= (0..7)
13 120 120 120 120 120 120 120
##$TUNHIN= 132
##$TUNHOUT= 178
##$TUNXOUT= 272
##$USERA1= <ste>
##$USERA2= <diffSte>
##$USERA3= <406174>
##$USERA4= <user>
##$USERA5= <user>
##$V9= 5
##$VALIST= <>
##$VCLIST= <>
##$VD= 0
##$VDLIST= <>
##$VPLIST= <>
##$VTLIST= <>
##$WBST= 1024
##$WBSW= 4
##$XGAIN= (0..3)
670 0 0 0
##$XL= 0
##$YL= 0
##$YMAX_a= 158672
##$YMIN_a= -85791
##$ZGOPTNS= <-DDEC>
##$ZL1= 120
##$ZL2= 120
##$ZL3= 120
##$ZL4= 120
##END=
