execplot 2 2 8 0 0 4 1 0 0 64
1 ""
0 
customflag 4 2 4 0 0 4 1 0 1 64
1 "n"
0 
archivedir 2 2 8 0 0 2 1 0 1 64
1 ""
0 
aXtoss 1 1 4095 0 0 2 1 0 1 64
1 2000 
0 
aH90 1 1 4095 0 0 2 1 0 1 64
1 2047.5 
0 
Hmixseq 4 2 4 0 0 2 1 16384 1 64
1 "spinal"
0 
Gmap 2 2 8 0 0 2 1 1 1 64
1 "lk"
0 
Archive1 2 2 8 0 0 2 1 0 1 64
1 ""
0 
ACQtime 7 1 100000000 0 1 2 1 256 1 64
1 648.738894 
0 
Archive2 2 2 8 0 0 2 1 0 1 64
1 ""
0 
H1reffrq 1 1 9.99999984307e+17 -9.99999984307e+17 0 2 1 0 1 64
1 399.944118614 
0 
Gmapname 2 2 8 0 0 2 1 1 1 64
1 ""
0 
MinSW 2 2 8 0 0 3 1 0 1 64
1 "off"
4 "off" "auto" "manual" "skip" 
Hseq 4 2 4 0 0 2 1 16384 1 64
1 "spinal"
0 
PFGflg 4 2 4 0 0 2 1 0 1 64
1 "n"
0 
REQexp 2 2 8 0 0 4 1 256 1 64
2 ""
"ignore"
0 
aX180 1 1 4095 0 0 2 1 16384 1 64
1 3276 
0 
aHmixtppm 1 1 4095 0 0 2 1 16384 1 64
1 3000 
0 
aHmixspinal 1 1 4095 0 0 2 1 16384 1 64
1 3071.25 
0 
aHhx 1 1 4095 0 0 2 1 0 1 64
1 2070 
0 
aHtppm 1 1 4095 0 0 2 1 0 1 64
1 3000 
0 
aHspinal 1 1 4095 0 0 2 1 0 1 64
1 3071.25 
0 
aHwaltz 1 1 4095 0 1 2 1 16384 1 64
1 0 
0 
aXhx 1 1 4095 0 0 2 1 0 1 64
1 3276 
0 
aX90 1 1 4095 0 0 2 1 0 1 64
1 3276 
0 
aig 2 2 2 0 0 4 1 1 1 64
1 "ai"
2 "nm" "ai" 
acqdim 7 1 32767 0 0 2 1 0 1 64
1 1 
0 
aYxy8 1 1 4095 0 0 2 1 16384 1 64
1 4095 
0 
aY90 1 1 4095 0 0 2 1 0 1 64
1 4095 
0 
aZ90 1 1 4095 0 0 2 1 0 1 64
1 2000 
0 
acqcycles 1 1 9.99999984307e+17 -9.99999984307e+17 0 2 1 0 1 64
1 20 
0 
actionid 2 2 8 0 0 4 1 0 1 64
1 "null"
0 
acqstatus 7 1 32767 0 0 2 1 256 1 64
2 101 0 
0 
acqpath 2 2 8 0 0 2 1 0 1 64
1 ""
0 
adir2tmplt 2 2 8 0 0 2 1 0 1 64
1 ""
0 
ad 6 1 8192 0 0.0125 2 1 0 1 64
1 4 
0 
adirtmplt 2 2 8 0 0 2 1 0 1 64
1 ""
0 
ap 2 2 1023 0 0 4 1 6 1 64
1 "1:SAMPLE:date,temp:1,srate:1,file;1:ACQUISITION:tn,sfrq:6,tof:1,tpwr:0,sw:1,at:6,np:0,d1:6,nt:0,ct:0,ss:0,rd:1,ad:1,aX90:0,pwX90:1;1(ni):2D ACQUISITION:d2:6,sw1:1,ni:0,phase:0;1:DECOUPLE:dn,dfrq:6,dof:1,dpwr:0,aH90:0,pwH90:1;1(dfrq2>0):DECOUPLE2:dn2,dfrq2:6,dof2:1,dpwr2:0,aY90:0,pwY90:1;1(dfrq3>0):DECOUPLE3:dn3,dfrq3:6,dof3:1,dpwr3:0,aZ90:0,pwZ90:1;1:cpHX:shHX,chHX,aHhx:0,aXhx:0,bHX:6,dHX:6,tHX:1,ofHX:3;1:180X:aX180:0,pwX180:1;1:xy8Y:aYxy8:0,pwYxy8:1,nYxy8:0,onYxy8;1(Hseq='tppm'):TPPM:aHtppm:0,pwHtppm:1,phHtppm:2;1(Hseq='spinal'):SPINAL:aHspinal:0,pwHspinal:1,phHspinal:2;2(Hmixseq='tppm'):TPPM:aHmixtppm:0,pwHmixtppm:1,phHmixtppm:2;2(Hmixseq='spinal'):SPINAL:aHmixspinal:0,pwHmixspinal:1,phHmixspinal:2;"
0 
alock 2 2 8 0 0 2 1 0 1 64
1 "n"
5 "a" "n" "s" "u" "y" 
alfa 6 1 13 13 13 2 1 8194 1 64
1 4 
0 
ampmode 4 2 4 0 0 2 1 0 1 64
1 "ppp"
0 
apptype 2 2 8 0 0 2 1 1 1 64
1 "solidsseq1d"
0 
chHmixtppm 4 2 4 0 0 2 1 16384 1 64
1 "dec"
0 
arraywhitewash 4 2 4 0 0 2 1 0 1 64
1 "n"
0 
arrayflip 4 2 4 0 0 2 1 0 1 64
1 "n"
0 
arraydim 7 1 32768 1 1 2 1 1 1 64
1 20 
0 
array 2 2 256 0 0 2 1 1 1 64
1 "nYxy8"
0 
arraydelta 7 1 32767 0 0 2 1 0 1 64
1 1 
0 
arraydscale 4 2 4 0 0 2 1 0 1 64
1 "n"
0 
arraydodc 4 2 4 0 0 2 1 0 1 64
1 "n"
0 
arrayelemts 1 1 9.99999984307e+17 -9.99999984307e+17 0 2 1 0 1 64
1 1 
0 
arraystart 7 1 32767 0 0 2 1 0 1 64
1 1 
0 
arraymax 7 1 32767 0 0 2 1 0 1 64
1 11 
0 
arraystop 7 1 32767 0 0 2 1 0 1 64
1 11 
0 
axisf 4 2 4 0 0 4 1 0 1 64
1 "s"
4 "m" "n" "s" "u" 
awc1 1 1 1 -1 0.001 3 1 1 0 64
1 0 
0 
avwdir 2 2 8 0 0 3 1 0 1 64
1 ""
0 
at 1 1 14 14 14 2 2 8203 1 64
1 0.05 
0 
awc 1 1 1 -1 0.001 3 1 1 0 64
1 0 
0 
axis 4 2 4 0 0 4 1 0 1 64
1 "k"
11 "c" "d" "1" "2" "3" "h" "k" "m" "n" "p" "u" 
celem 1 1 9.99999984307e+17 -9.99999984307e+17 0 2 1 0 1 64
1 20 
0 
bs 7 1 32767 0 1 2 1 0 1 64
1 1 
0 
bHX 1 1 1000000 0 1e-06 2 1 0 1 64
1 0 
0 
chHX 4 2 4 0 0 2 1 0 1 64
1 "fr"
0 
cf 7 1 32767 0 1 3 1 1 0 64
1 1 
0 
chHmixspinal 4 2 4 0 0 2 1 16384 1 64
1 "dec"
0 
console 2 2 8 0 0 2 1 0 1 64
1 "vnmrs"
0 
chHwaltz 4 2 4 0 0 2 1 0 1 64
1 "dec"
0 
chHtppm 4 2 4 0 0 2 1 0 1 64
1 "dec"
0 
chHspinal 4 2 4 0 0 2 1 0 1 64
1 "dec"
0 
comment 2 2 8 0 0 3 1 0 1 64
1 ""
0 
chXtoss 4 2 4 0 0 2 1 0 1 64
1 "obs"
0 
concentration 1 1 9.99e+17 -9.99e+17 0 2 1 0 1 64
1 0 
0 
cr 1 1 1000000000 -1000000000 0 4 1 1 1 64
1 3813.43945324 
0 
cppauseflg 4 2 4 0 0 4 1 0 1 64
1 "n"
0 
cp 2 2 1 0 0 2 1 0 1 64
1 "y"
2 "y" "n" 
crf 1 1 9.99999984307e+17 -9.99999984307e+17 0 4 1 0 1 64
1 0 
0 
cr1 1 1 1000000000 -1000000000 0 4 1 3 1 64
1 0 
0 
ct 7 1 1000000000 0 1 2 1 2 1 64
1 96 
0 
dn2shapes 2 2 8 0 0 2 1 256 1 64
3 ""
""
""
0 
dg 2 2 1023 0 0 4 1 2 1 64
1 "1:ACQUISITION:sw:1,at:6,np:0,d1:6,nt:0,ct:0,bs:0,ss:0,rd:1,ad:1,ddrtc:1,rof3(rof3):1,gain:0,temp:0,srate:1;2:cpHX:shHX,chHX,aHhx:0,aXhx:0,bHX:6,dHX:6,tHX:1,ofHX:3;3:180X:aX180:0,pwX180:1;3:xy8Y:aYxy8:0,pwYxy8:1,nYxy8:0,onYxy8;4(Hseq='tppm'):TPPM:aHtppm:0,pwHtppm:1,phHtppm:2;4(Hseq='spinal'):SPINAL:aHspinal:0,pwHspinal:1,phHspinal:2;4(Hmixseq='tppm'):TPPM:aHmixtppm:0,pwHmixtppm:1,phHmixtppm:2;4(Hmixseq='spinal'):SPINAL:aHmixspinal:0,pwHmixspinal:1,phHmixspinal:2;"
0 
decwave 2 2 8 0 0 2 1 0 1 64
1 "g"
0 
datname 2 2 8 0 0 3 1 0 1 64
1 ""
0 
d2 3 1 14 14 14 2 1 8194 1 64
1 0 
0 
d1 3 1 14 14 14 2 1 8194 1 64
1 10 
0 
cutoff 1 1 9.99999984307e+17 -9.99999984307e+17 0 4 1 0 0 64
1 200 
0 
dataid 2 2 8 0 0 2 1 0 1 64
1 ""
0 
dHX 1 1 4095 -4095 1 2 1 0 1 64
1 100 
0 
date 2 2 9 0 0 2 1 1 1 64
1 "Sep 26 2013"
0 
dec2wave 2 2 8 0 0 2 1 0 1 64
1 "g"
0 
dcrmv 4 2 9.99999984307e+17 -9.99999984307e+17 0 4 1 0 1 64
1 "n"
2 "y" "n" 
dcg 2 2 3 0 0 4 1 1 1 64
1 "cdc"
2 "dc" "cdc" 
ddrtc 6 1 8192 0 0.0125 2 1 0 1 64
1 0 
0 
dec3wave 2 2 8 0 0 2 1 0 1 64
1 "g"
0 
deltaf 1 1 100 0 0 4 1 0 1 64
1 0.0298268841549 
0 
delta 1 1 5000000 0 0 4 1 1 1 64
1 1275.63476562 
0 
delta1 1 1 5000000 0 0 4 1 3 1 64
1 0 
0 
dfrq2 1 1 1000000000 0 0 2 1 9 1 64
1 40.5284556 
0 
dfrq 5 1 1000000000 -1000000000 0 2 1 8 1 64
1 399.9423298 
0 
dfrq3 1 1 1000000000 0 0 2 1 9 1 64
1 40.4927135 
0 
dm2 4 2 4 0 0 2 1 0 1 64
1 "n"
4 "a" "n" "s" "y" 
displaymode 4 2 9.99999984307e+17 -9.99999984307e+17 0 4 1 0 1 64
1 "r"
0 
dgs 2 2 1023 0 0 4 1 6 1 64
5 "1:AXIAL SHIMS:z1:0,z2:0,z3:0,z4:0,z5:0,z6:0,z7:0;"
"2:NON AXIAL SHIMS:x1:0,y1:0,xz:0,yz:0,xy:0,x2y2:0,x3:0,y3:0,xz2:0,yz2:0,zxy:0,zx2y2:0,z3x:0,z3y:0;"
"3:NON AXIAL SHIMS:z2x2y2:0,z2xy:0,zx3:0,zy3:0,z4x:0,z4y:0;"
"4:AUTOMATION:method,wshim,load,,spin:0,gain:0,alock,loc:0;"
"4:SPECIAL:temp;"
0 
dg2 2 2 8 0 0 4 1 0 1 64
1 "1:OBSERVE:tn,sfrq:6,tof:1,tpwr:0,aX90:0,pwX90:1;2:DECOUPLE:dn,dfrq:6,dof:1,dpwr:0,aH90:0,pwH90:1;3:DECOUPLE2:dn2,dfrq2:6,dof2:1,dpwr2:0,aY90:0,pwY90:1;4:DECOUPLE3:dn3,dfrq3:6,dof3:1,dpwr3:0,aZ90:0,pwZ90:1;"
0 
dg1 2 2 1023 0 0 4 1 2 1 64
1 "1:DISPLAY:sp:1,wp:1,vs:0;1:REFERENCE:rfl:1,rfp:1,cr:1,delta:1;1:PHASE:lp:1,rp:1,rp1(ni):1,lp1(ni):1;2:CHART:sc:0,wc:0,hzmm:2,vp:0,axis,pltmod,,th:0,,ho:2,vo:2,,trace:2;3(ni):2D:sp1:1,wp1:1,sc2:0,wc2:0,rfl1:1,rfp1:1;3:FLAGS:aig*,dcg*,dmg*;3:FID:sf:3,wf:3,vf:0;4:INTEGRAL:intmod,is:2,ins:3,io:0,,lvl:3,tlt:3;"
0 
dglp 2 2 8 0 0 4 1 3 1 64
1 "1(lpfilt):LP:lpalg,lpopt,lpfilt:0,lpnupts:0,strtlp:0,lpext:0,strtext:0;2(lpfilt1):LP 1:lpalg1,lpopt1,lpfilt1:0,lpnupts1:0,strtlp1:0,lpext1:0,strtext1:0;3(lpfilt2):LP 2:lpalg2,lpopt2,lpfilt2:0,lpnupts2:0,strtlp2:0,lpext2:0,strtext2:0;4:LP OUTPUT:lpprint(lpfilt):0,lptrace(lpfilt):0,lpprint1(lpfilt1):0,lptrace1(lpfilt1):0,lpprint2(lpfilt2):0,lptrace2(lpfilt2):0;"
0 
disCmd 2 2 8 0 0 4 1 0 1 64
1 "dps"
0 
dhp 1 1 9 9 9 2 1 8192 0 64
1 43 
0 
dm 4 2 4 0 0 2 1 0 1 64
1 "n"
4 "a" "n" "s" "y" 
dlp 7 1 10 10 10 2 1 8194 0 64
1 10 
0 
dmg1 2 2 8 0 0 4 1 0 1 64
1 ""
4 "" "av1" "ph1" "pwr1" 
dmf3 7 1 2000000 1 0 2 1 2 1 64
1 10000 
0 
dmf 7 1 11 11 11 2 1 8194 1 64
1 9900 
0 
dm3 4 2 4 0 0 2 1 0 1 64
1 "n"
4 "a" "n" "s" "y" 
dmf2 7 1 2000000 1 0 2 1 2 1 64
1 10000 
0 
dmg 2 2 2 0 0 4 1 3 1 64
1 "ph"
0 
dmm3 4 2 4 0 0 2 1 0 1 64
1 "c"
9 "c" "f" "g" "m" "p" "r" "u" "w" "x" 
dmm2 4 2 4 0 0 2 1 0 1 64
1 "c"
9 "c" "f" "g" "m" "p" "r" "u" "w" "x" 
dmm 4 2 4 0 0 2 1 0 1 64
1 "c"
9 "c" "f" "g" "m" "p" "r" "u" "w" "x" 
dn2 2 2 8 0 0 2 1 8 1 64
1 "N15"
0 
dn 2 2 4 0 0 2 1 8 1 64
1 "H1"
0 
dn2ref 2 2 8 0 0 4 1 1 1 64
1 ""
0 
dpwr3 1 1 63 -16 1 2 1 2 1 64
1 54 
0 
dof 5 1 8 8 8 2 1 8202 1 64
1 -3788.5 
0 
dn4ref 2 2 8 0 0 4 1 1 1 64
1 ""
0 
dn3ref 2 2 8 0 0 4 1 1 1 64
1 ""
0 
dn3 2 2 8 0 0 2 1 8 1 64
1 ""
0 
dn3shapes 2 2 8 0 0 2 1 256 1 64
3 ""
""
""
0 
dnshapes 2 2 8 0 0 2 1 256 1 64
3 ""
""
""
0 
dnref 2 2 8 0 0 4 1 1 1 64
1 ""
0 
dod 3 1 14 14 14 2 1 8194 1 64
1 0.00999999977648 
0 
dotflag 2 2 8 0 0 4 1 0 1 64
1 "n"
2 "n" "y" 
dof3 5 1 20 20 20 2 1 8202 1 64
1 0 
0 
dof2 5 1 16 16 16 2 1 8202 1 64
1 -1501.8 
0 
dpwr 1 1 63 -16 1 2 1 2 1 64
1 53 
0 
dp 2 2 1 0 0 2 1 0 1 64
1 "y"
2 "y" "n" 
dpwr2 1 1 63 -16 1 2 1 2 1 64
1 50 
0 
dseq 2 2 8 0 0 2 1 0 1 64
1 ""
0 
dres2 7 1 360 1 0 2 1 0 1 64
1 1 
0 
dreffrq2 1 1 9.99999984307e+17 -9.99999984307e+17 0 2 1 0 1 64
1 40.5414034341 
0 
dreffrq 1 1 9.99999984307e+17 -9.99999984307e+17 0 2 1 0 1 64
1 399.944118614 
0 
dres 7 1 360 1 0 2 1 0 1 64
1 90 
0 
dsSelect 7 1 32767 0 0 4 1 0 1 64
11 1 2 3 4 5 6 7 8 9 10 11 
0 
dres3 7 1 360 1 0 2 1 0 1 64
1 1 
0 
emailaddr 2 2 8 0 0 4 1 0 1 64
1 ""
0 
dseq3 2 2 8 0 0 2 1 0 1 64
1 ""
0 
dseq2 2 2 8 0 0 2 1 0 1 64
1 ""
0 
email_ 2 2 8 0 0 2 1 0 1 64
1 ""
0 
emessage 4 2 4 0 0 2 1 0 1 64
1 "n"
0 
emailwhen 2 2 8 0 0 2 1 0 1 64
1 ""
0 
pplvl_cf 1 1 9.99999984307e+17 -9.99999984307e+17 0 2 1 0 1 64
1 1 
0 
lpfilt 7 1 32767 1 1 3 1 0 1 64
1 32 
0 
ho 1 1 500 -500 0 4 1 1 1 64
1 -22.8636363636 
0 
ftproc 1 1 9.99999984307e+17 -9.99999984307e+17 0 3 1 256 1 64
2 1 19 
0 
fb 7 1 6 6 6 2 1 8203 1 64
1 13800 
0 
explist 2 2 8 0 0 2 1 256 1 64
1 ""
0 
execprocess 2 2 8 0 0 4 1 0 0 64
1 ""
0 
execprep 2 2 8 0 0 4 1 0 0 64
1 ""
0 
execprescan 2 2 8 0 0 4 1 0 0 64
1 ""
0 
execsetup 2 2 8 0 0 4 1 0 1 64
1 "solidsseq1d('setup')"
0 
f2SW 2 2 8 0 0 2 1 1 1 64
1 ""
0 
exppath 2 2 8 0 0 2 1 0 1 64
1 "/home/wouterf/vnmrsys/exp14/acqfil"
0 
f1SW 2 2 8 0 0 2 1 1 1 64
1 ""
0 
faculty 2 2 8 0 0 2 1 0 1 64
1 ""
0 
filter 7 1 1000000000 0 1 2 1 2 1 64
1 44.0999984741 
0 
fidid 2 2 8 0 0 2 1 0 1 64
1 ""
0 
fdfdir 2 2 8 0 0 3 1 0 1 64
1 ""
0 
fdffile 2 2 8 0 0 3 1 0 1 64
1 ""
0 
fidscanmode 4 2 9.99999984307e+17 -9.99999984307e+17 0 4 1 0 1 64
1 "rs"
0 
file 2 2 6 0 0 2 1 3 1 64
1 "exp"
0 
fpmult1 1 1 1000000000 0 0 3 2 0 0 64
1 0.5 
0 
fn1 7 1 524288 64 -2 3 1 1 1 64
1 1024 
0 
fn 7 1 524288 64 -2 3 1 1 1 64
1 65536 
0 
fpmult 1 1 1000000000 0 0 3 1 0 0 64
1 1 
0 
frHX 4 2 4 0 0 2 1 16384 1 64
1 "dec"
0 
go_Options 2 2 8 0 0 2 1 7 1 64
2 "au"
"nosafe"
0 
gf 1 1 100000 0 0 3 1 1 0 64
1 0.10000000149 
0 
gain 1 1 60 0 2 2 1 0 1 64
1 26 
0 
fzoom 7 1 32767 0 0 4 1 0 1 64
1 0 
0 
gain2 1 1 60 0 2 2 1 1 1 64
1 30 
0 
gfs 1 1 1000 -1000 0.001 3 1 1 0 64
1 0 
0 
gf1 1 1 100000 0 0 3 1 1 0 64
1 1 
0 
gfs1 1 1 1000 -1000 0.001 3 1 1 0 64
1 0 
0 
hdof 5 1 7 7 7 2 1 8194 1 64
1 0 
0 
gxppars 2 2 8 0 0 2 1 0 1 64
1 ""
0 
go_id 2 2 8 0 0 2 1 3 1 64
1 "exp14.wouterf.nmrsolid400_1380150676_566322"
0 
hdpwr 7 1 49 -16 1 2 1 2 1 64
1 1 
0 
is 1 1 1000000000 1e-06 0 4 1 3 1 64
1 500 
0 
ins2ref 1 1 9.99999984307e+17 -9.99999984307e+17 0 4 1 0 1 64
1 1 
0 
hst 3 1 0.02 0 2.5e-08 2 1 2 1 64
1 0.00800000037998 
0 
homo3 4 2 4 0 0 2 1 0 1 64
1 "n"
2 "n" "y" 
homo 2 2 8 0 0 2 1 8 1 64
1 "n"
2 "n" "y" 
homo2 4 2 4 0 0 2 1 0 1 64
1 "n"
2 "n" "y" 
hs 4 2 4 0 0 2 1 0 1 64
1 "nn"
2 "n" "y" 
hsrotor 4 2 4 0 0 2 1 0 1 64
1 "n"
0 
il 2 2 1 0 0 2 1 0 1 64
1 "n"
2 "y" "n" 
hzmm 1 1 1000000000 -1000000000 0 4 1 11 1 64
1 10.205078125 
0 
ident 2 2 8 0 0 3 1 0 1 64
1 ""
0 
ins 3 1 8190 0 1e-07 4 1 3 1 64
1 100 
0 
in 4 2 1 0 0 2 1 0 1 64
1 "n"
3 "n" "w" "y" 
ins2 1 1 9.99999984307e+17 -9.99999984307e+17 0 4 1 0 1 64
1 1 
0 
investigator 2 2 8 0 0 2 1 0 1 64
1 ""
0 
intmod 2 2 8 0 0 4 1 0 1 64
1 "off"
3 "off" "partial" "full" 
insref 1 1 9.99999984307e+17 -9.99999984307e+17 0 4 1 0 0 64
1 1 
0 
io 1 1 500 -500 0.1 4 1 1 1 64
1 10 
0 
lockgain_ 1 1 48 0 1 2 1 65552 1 64
1 0 
0 
load 2 2 4 0 0 2 1 3 1 64
1 "n"
2 "y" "n" 
liamp 1 1 1000000000 0 0 4 1 0 0 64
1 0 
0 
lb1 1 1 100000 -100000 0 3 1 1 1 64
1 0 
0 
lb 1 1 100000 -100000 0 3 1 1 0 64
1 20 
0 
lcpeak_ 7 1 32767 0 0 2 1 32768 1 64
1 0 
0 
llamp 1 1 1000000000 0 0 4 1 0 0 64
1 0 
0 
lifrq 1 1 1000000000 -1000000000 0 4 1 0 0 64
1 0 
0 
llfrq 1 1 1000000000 -1000000000 0 4 1 0 0 64
1 0 
0 
locdir 2 2 8 0 0 2 1 0 1 64
1 ""
0 
loc_ 7 1 12 12 12 2 1 8201 0 64
1 0 
0 
lockfreq_ 5 1 160 0 1e-07 2 1 9 1 64
1 61.3943 
0 
lp1 1 1 10000000 -10000000 0.1 4 1 3 1 64
1 0 
0 
lot 2 2 8 0 0 2 1 0 1 64
1 ""
0 
lockpower_ 1 1 68 0 1 2 1 65552 1 64
1 0 
0 
lockphase_ 1 1 360 0 1 2 1 65552 1 64
1 0 
0 
longlist 2 2 8 0 0 2 1 256 1 64
1 ""
0 
lp 1 1 10000000 -10000000 0.1 4 1 3 1 64
1 0 
0 
lpext 7 1 1000000 0 1 3 1 0 1 64
1 1 
0 
lpalg1 2 2 8 0 0 3 1 0 1 64
1 "lpfft"
0 
lpalg 2 2 8 0 0 3 1 0 1 64
1 "lpfft"
0 
lpext1 7 1 1000000 0 1 3 1 0 1 64
1 1 
0 
nt 7 1 1000000000 1 1 2 1 2 1 64
1 96 
0 
marker1 2 2 8 0 0 2 1 0 1 64
1 ""
0 
lptrace 7 1 32767 0 1 3 1 0 1 64
1 0 
0 
lpopt 2 2 8 0 0 3 1 0 1 64
1 "b"
0 
lpnupts 7 1 1000000 1 1 3 1 0 1 64
1 64 
0 
lpfilt1 7 1 32767 1 1 3 1 0 1 64
1 32 
0 
lpnupts1 7 1 1000000 1 1 3 1 0 1 64
1 64 
0 
lpprint 7 1 63 0 1 3 1 0 1 64
1 0 
0 
lpopt1 2 2 8 0 0 3 1 0 1 64
1 "b"
0 
lpprint1 7 1 63 0 1 3 1 0 1 64
1 0 
0 
lsfrq 1 1 9.99999984307e+17 -9.99999984307e+17 0 3 1 0 0 64
1 0 
0 
lsfid 7 1 64000 -64000 1 3 1 0 0 64
1 0 
0 
lptrace1 7 1 32767 0 1 3 1 0 1 64
1 0 
0 
lvl 1 1 1000000000 -1000000000 0 4 1 1 1 64
1 0 
0 
lsfrq1 1 1 9.99999984307e+17 -9.99999984307e+17 0 3 1 0 0 64
1 0 
0 
macro 2 2 6 0 0 4 1 3 1 64
1 "Redor2tancp"
0 
n2 2 2 6 0 0 4 1 3 1 64
1 ""
0 
math 2 2 1 0 0 3 1 3 1 64
1 "f"
3 "d" "f" "i" 
markerfrq1 1 1 9.99999984307e+17 -9.99999984307e+17 0 2 1 0 1 64
1 0 
0 
marker2 2 2 8 0 0 2 1 0 1 64
1 ""
0 
markerfrq2 1 1 9.99999984307e+17 -9.99999984307e+17 0 2 1 0 1 64
1 0 
0 
modules 2 2 8 0 0 2 1 1 1 64
1 ""
0 
method 2 2 6 0 0 2 1 3 1 64
1 "z1z2"
0 
n1 2 2 6 0 0 4 1 3 1 64
1 ""
0 
nameprefix 2 2 8 0 0 2 1 9 1 64
1 "Ethylindanone"
0 
nYxy8 1 1 9.99999984307e+17 -9.99999984307e+17 0 2 1 16384 1 64
20 2 4 6 8 10 12 14 16 18 20 22 24 26 28 30 32 34 36 38 40 
0 
n3 2 2 6 0 0 4 1 3 1 64
1 ""
0 
name 2 2 8 0 0 3 1 0 1 64
1 ""
0 
notebook 2 2 8 0 0 2 1 0 1 64
1 ""
0 
newmodules 2 2 8 0 0 2 1 1 1 64
1 ""
0 
np 7 1 524288 32 2 2 1 11 1 64
1 5000 
0 
phHmixspinal 1 1 360 -360 0 2 1 16384 1 64
1 7 
0 
pad 3 1 14 14 14 2 1 8194 1 64
1 0 
0 
onYxy8 1 1 9.99999984307e+17 -9.99999984307e+17 0 2 1 16384 1 64
1 1 
0 
ofHX 5 1 1000000000 -1000000000 0 2 1 0 1 64
1 -3788.5 
0 
obsSW 2 2 8 0 0 2 1 1 1 64
1 ""
0 
p1 6 1 13 13 13 2 1 8194 1 64
1 0 
0 
operator_ 2 2 128 0 0 2 1 4 1 64
1 ""
0 
p11console 2 2 8 0 0 2 1 0 1 64
1 ""
0 
parlabel 2 2 8 0 0 2 1 5 1 64
1 ""
0 
paramChanged 1 1 9.99999984307e+17 -9.99999984307e+17 0 2 1 0 1 64
1 0 
0 
page 2 2 8 0 0 2 1 0 1 64
1 ""
0 
parversion 1 1 9.99999984307e+17 -9.99999984307e+17 0 2 1 0 1 64
1 5.1 
0 
parstyle_ 2 2 8 0 0 4 1 0 1 64
1 "ppa"
0 
periods 1 1 1000000 0 1 2 1 0 1 64
1 0 
0 
pltmod 2 2 8 0 0 4 1 0 1 64
1 "off"
5 "off" "fixed" "full" "variable" "user" 
phfid 1 1 3600 -3600 0.1 3 1 0 1 64
1 0 
0 
phHspinal 1 1 360 -360 0 2 1 0 1 64
1 7 
0 
phHmixtppm 1 1 360 -360 0 2 1 16384 1 64
1 7 
0 
phHtppm 1 1 360 -360 0 2 1 0 1 64
1 7 
0 
pkpick_ 2 2 8 0 0 4 1 0 1 64
1 ""
0 
phfid1 1 1 3600 -3600 0.1 3 1 0 0 64
1 0 
0 
plocklist 2 2 8 0 0 2 1 1 1 64
1 ""
0 
position1 2 2 8 0 0 3 1 0 1 64
1 ""
0 
pmode 2 2 8 0 0 3 1 0 1 64
1 "full"
0 
pltopt 4 2 4 0 0 2 1 0 1 64
1 "y"
0 
pp 6 1 8190 0 1e-07 2 1 2 1 64
1 46.4000053406 
0 
position2 2 2 8 0 0 3 1 0 1 64
1 ""
0 
pplvl 1 1 63 -16 1 2 1 0 1 64
1 55 
0 
shownumx 1 1 9.99999984307e+17 -9.99999984307e+17 0 2 1 0 1 64
1 0 
0 
samplename 2 2 8 0 0 2 1 8 1 64
1 "Ethylindanone"
0 
pwx2 6 1 13 13 13 2 1 8192 1 64
1 15 
0 
pw90 6 1 13 13 13 2 1 8194 1 64
1 0 
0 
proc 2 2 10 0 0 3 1 1 1 64
1 "ft"
0 
priority 7 1 32768 0 1 2 1 0 1 64
1 5 
0 
preacq 6 1 13 13 13 2 1 8192 0 64
1 0 
0 
prcopt 4 2 4 0 0 2 1 0 1 64
1 "y"
0 
prescan 2 2 8 0 0 3 1 256 1 64
11 "Not done"
"Not done"
"off"
"off"
"off"
"off"
"off"
"on"
"off"
""
""
0 
probetype_ 2 2 8 0 0 2 1 0 1 64
1 "liquids"
0 
probe_ 2 2 8 0 0 2 1 8 1 64
1 "3.2_MM_PENCIL"
0 
processid 1 1 9.99999984307e+17 -9.99999984307e+17 0 2 1 0 1 64
1 0 
0 
proccmd 2 2 8 0 0 3 1 3 1 64
1 ""
0 
proc1 2 2 10 0 0 3 2 1 1 64
1 "ft"
0 
procdim 7 1 32767 0 0 3 1 0 1 64
1 0 
0 
pslabel 2 2 8 0 0 2 1 11 1 64
1 "redor2tancp"
0 
protocols 2 2 8 0 0 3 1 0 1 64
1 ""
0 
pw 6 1 13 13 13 2 1 8194 1 64
1 5.99999904633 
0 
pwHwaltz 6 1 8192 0 0.0125 2 1 16384 1 64
1 0 
0 
pwHspinal 6 1 8192 0 0.0125 2 1 0 1 64
1 5.3375 
0 
pwHmixspinal 6 1 8192 0 0.0125 2 1 16384 1 64
1 5.3375 
0 
pwH90 6 1 8192 0 0 2 1 0 1 64
1 4.5 
0 
pwHmixtppm 6 1 8192 0 0.0125 2 1 16384 1 64
1 5.3375 
0 
pwHtppm 6 1 8192 0 0.0125 2 1 0 1 64
1 5.3375 
0 
pwY90 6 1 8192 0 0 2 1 0 1 64
1 7 
0 
pwX90 6 1 8192 0 0 2 1 0 1 64
1 5 
0 
pwX180 6 1 8192 0 0.0125 2 1 16384 1 64
1 10 
0 
pwXtoss 6 1 8192 0 0.0125 2 1 0 1 64
1 8 
0 
pwZ90 6 1 8192 0 0 2 1 0 1 64
1 4 
0 
pwYxy8 6 1 8192 0 0.0125 2 1 16384 1 64
1 14 
0 
pwx 6 1 13 13 13 2 1 8192 1 64
1 15 
0 
ref1 5 1 1000000000 -1000000000 0 3 5 0 1 64
1 0 
0 
r3 1 1 1e+18 -1e+18 0 4 1 1 1 64
1 0 
0 
pwxlvl_cf 1 1 9.99999984307e+17 -9.99999984307e+17 0 2 1 0 1 64
1 1 
0 
pwx2lvl_cf 1 1 9.99999984307e+17 -9.99999984307e+17 0 2 1 0 1 64
1 1 
0 
pwx2lvl 1 1 63 -16 1 2 1 0 1 64
1 55 
0 
pwxlvl 1 1 63 -16 1 2 1 0 1 64
1 55 
0 
r1 1 1 1e+18 -1e+18 0 4 1 1 1 64
1 0 
0 
queue 2 2 8 0 0 2 1 0 1 64
1 "dayQ"
0 
r2 1 1 1e+18 -1e+18 0 4 1 1 1 64
1 0 
0 
r7 1 1 1e+18 -1e+18 0 4 1 1 1 64
1 0 
0 
r5 1 1 1e+18 -1e+18 0 4 1 1 1 64
1 0 
0 
r4 1 1 1e+18 -1e+18 0 4 1 1 1 64
1 0 
0 
r6 1 1 1e+18 -1e+18 0 4 1 1 1 64
1 0 
0 
rd 6 1 8192 0 0.0125 2 1 0 1 64
1 0 
0 
rcvrs 4 2 4 0 0 2 1 1 1 64
1 "y"
2 "n" "y" 
ref 5 1 1000000000 -1000000000 0 3 4 0 1 64
1 0 
0 
rfl1 1 1 1000000000 -1000000000 0 4 1 1 1 64
1 0 
0 
researchgroup 2 2 8 0 0 2 1 0 1 64
1 ""
0 
reffrq1 1 1 9.99999984307e+17 -9.99999984307e+17 0 4 1 0 1 64
1 599.7266774 
0 
reffrq 1 1 9.99999984307e+17 -9.99999984307e+17 0 4 1 0 1 64
1 100.566028614 
0 
refpos 1 1 9.99999984307e+17 -9.99999984307e+17 0 4 1 0 1 64
1 0 
0 
rfl 1 1 1000000000 -1000000000 0 4 1 1 1 64
1 14031.7143553 
0 
rfband 4 2 4 0 0 2 1 0 1 64
1 "ccc"
3 "c" "h" "l" 
rof2 6 1 13 13 13 2 1 8194 1 64
1 4 
0 
rfp1 1 1 1000000000 -1000000000 0 4 1 1 1 64
1 0 
0 
rfp 1 1 1000000000 -1000000000 0 4 1 1 1 64
1 0 
0 
rof1 6 1 13 13 13 2 1 8194 1 64
1 2 
0 
rp1 1 1 10000000 -10000000 0.1 4 1 3 1 64
1 0 
0 
rp 1 1 10000000 -10000000 0.1 4 1 3 1 64
1 -17.8520150766 
0 
sample 2 2 8 0 0 2 1 1 1 64
1 ""
0 
scoutinfo 2 2 8 0 0 2 1 256 1 64
1 ""
0 
saveshapes 2 2 8 0 0 2 1 256 1 64
1 ""
0 
satfrq 5 1 1000000000 -1000000000 0 2 1 0 1 64
1 0 
0 
satdly 3 1 14 14 14 2 1 8192 1 64
1 0 
0 
sampleowner 2 2 8 0 0 2 1 0 1 64
1 ""
0 
satpwr 1 1 63 -16 1 2 1 0 1 64
1 0 
0 
satmode 4 2 4 0 0 2 1 0 1 64
1 "n"
0 
saveglobal_ 2 2 8 0 0 3 1 0 1 64
19 "probe"
"lcpeak"
"loc"
"lockpower"
"lockgain"
"lockphase"
"lockfreq"
"z0"
"lkof"
"vloc"
"vrack"
"vzone"
"vproto"
"pkpick"
"parstyle"
"operator"
"studyid"
"systemname"
"probetype"
0 
sbs1 1 1 1000 -1000 0.001 3 1 1 0 64
1 0 
0 
sb1 1 1 1000 -1000 0.001 3 1 1 0 64
1 0 
0 
sb 1 1 1000 -1000 0.001 3 1 0 0 64
1 0 
0 
sbs 1 1 1000 -1000 0.001 3 1 1 0 64
1 0 
0 
sc2 1 1 3 3 3 4 1 8195 1 64
1 0 
0 
sc 1 1 1 1 1 4 1 8195 1 64
1 0 
0 
scans 2 2 8 0 0 3 1 0 1 64
1 ""
0 
sfrq 1 1 1000000000 0 0 2 1 11 1 64
1 100.5769969 
0 
sf 1 1 8190 0 1e-07 4 1 3 1 64
1 0 
0 
seqfil 2 2 8 0 0 2 1 11 1 64
1 "redor2tancp"
0 
sdirtmplt 2 2 8 0 0 2 1 0 1 64
1 ""
0 
sf1 1 1 9.99999984307e+17 -9.99999984307e+17 0 4 1 0 1 64
1 0 
0 
showarray 2 2 8 0 0 2 1 0 1 64
1 "horiz"
0 
shHX 4 2 4 0 0 2 1 0 1 64
1 "l"
0 
shims 2 2 8 0 0 2 1 0 1 64
1 ""
0 
shownumbers 2 2 8 0 0 2 1 0 1 64
1 "v"
0 
showcontent 2 2 8 0 0 2 1 0 1 64
1 "s"
0 
shownumstyle 2 2 8 0 0 2 1 0 1 64
1 "auto"
0 
wbs 2 2 6 0 0 3 1 3 1 64
1 "df"
0 
trace 2 2 2 0 0 4 1 3 1 64
1 "f1"
2 "f1" "f2" 
time_processed 2 2 8 0 0 3 1 0 1 64
1 ""
0 
study 2 2 8 0 0 3 1 0 1 64
1 ""
0 
sreffrq 1 1 9.99999984307e+17 -9.99999984307e+17 0 2 1 0 1 64
1 100.566028614 
0 
sp 1 1 1000000000 -1000000000 0 4 1 3 1 64
1 -14031.7143553 
0 
sn 1 1 1e+18 -1e+18 0 3 1 1 1 64
1 50 
0 
shownumy 1 1 9.99999984307e+17 -9.99999984307e+17 0 2 1 0 1 64
1 0 
0 
solvent 2 2 6 0 0 2 1 11 1 64
1 "cdcl3"
0 
spin 1 1 39 0 1 2 1 0 0 64
1 16 
0 
sp1 1 1 1000000000 -1000000000 0 4 1 3 1 64
1 649.999938965 
0 
srate 5 1 1000000000 -1000000000 0 2 1 1 1 64
1 5110 
0 
strtext1 7 1 1000000 1 1 3 1 0 1 64
1 1 
0 
sspul 4 2 4 0 0 2 1 0 1 64
1 "n"
0 
ss 7 1 32767 -32768 0 2 1 0 1 64
1 0 
0 
strtext 7 1 1000000 1 1 3 1 0 1 64
1 1 
0 
strtlp1 7 1 1000000 1 1 3 1 0 1 64
1 2 
0 
strtlp 7 1 1000000 1 1 3 1 0 1 64
1 2 
0 
strtpar 2 2 8 0 0 2 1 0 1 64
1 ""
0 
systemname_ 2 2 8 0 0 2 1 0 1 64
1 "nmrsolid400-vnmrs400"
0 
studytime 1 1 9.99999984307e+17 -9.99999984307e+17 0 2 1 0 1 64
1 0 
0 
studyowner 2 2 8 0 0 2 1 0 1 64
1 ""
0 
studyid_ 2 2 8 0 0 2 1 0 1 64
1 "tmpstudy"
0 
studystatus 2 2 8 0 0 2 1 0 1 64
1 "Empty"
0 
svftmplt 2 2 8 0 0 2 1 0 1 64
1 ""
0 
svfopt 4 2 4 0 0 2 1 0 1 64
1 "y"
0 
sw 1 1 5 5 5 2 2 8203 1 64
1 50000 
0 
th 1 1 1000000000 0 0 4 1 1 1 64
1 68.2866668701 
0 
temp 1 1 200 -150 0.1 2 1 8 0 64
1 20 
0 
tHX 6 1 50000 0 0.0125 2 1 0 1 64
1 500 
0 
text_string 2 2 8 0 0 4 1 256 1 64
1 ""
0 
time_exp 2 2 8 0 0 2 1 0 1 64
1 "2 min, 9 sec"
0 
time_complete 2 2 8 0 0 4 1 0 1 64
1 "20130926T115313"
0 
time_plotted 2 2 8 0 0 3 1 0 1 64
1 ""
0 
tn 2 2 4 0 0 2 1 8 1 64
1 "C13"
0 
time_submitted_local 2 2 8 0 0 2 1 0 1 64
1 "20130926T011116X01AMThuSep"
0 
time_saved 2 2 8 0 0 4 1 0 1 64
1 "20130926T163326"
0 
time_run 2 2 8 0 0 2 1 0 1 64
1 "20130926T063125"
0 
time_submitted 2 2 8 0 0 2 1 0 1 64
1 "20130926T011116"
0 
tin 2 2 1 0 0 2 1 2 1 64
1 "n"
3 "n" "w" "y" 
time_svfdate 2 2 8 0 0 2 1 0 1 64
1 "20130926T011116"
0 
tlt 1 1 1000000000 -1000000000 0 4 1 1 1 64
1 0 
0 
tof 5 1 7 7 7 2 1 8202 1 64
1 1437.4 
0 
tnshapes 2 2 8 0 0 2 1 256 1 64
3 ""
""
""
0 
tnref 2 2 8 0 0 4 1 1 1 64
1 ""
0 
toHX 4 2 4 0 0 2 1 16384 1 64
1 "obs"
0 
tpwr_cf 1 1 9.99999984307e+17 -9.99999984307e+17 0 2 1 0 1 64
1 1 
0 
tpwr 1 1 63 -16 1 2 1 2 1 64
1 54 
0 
vrack_ 7 1 5 1 0 2 1 0 1 64
1 1 
0 
vjdialogarg 2 2 8 0 0 4 1 256 1 64
1 ""
0 
vf 1 1 1000000000 0 0 4 1 3 1 64
1 13723.5 
0 
user 2 2 9 0 0 2 1 1 1 64
1 " 1-14-87"
0 
tunemethod 2 2 8 0 0 2 1 0 1 64
1 "n"
0 
username 2 2 8 0 0 2 1 0 1 64
1 ""
0 
vjdialog 2 2 8 0 0 4 1 256 1 64
1 ""
0 
vpf 1 1 500 -500 0 4 1 0 1 64
1 0 
0 
vo 1 1 500 -500 0 4 1 1 1 64
1 0 
0 
vloc_ 2 2 8 0 0 2 1 8 1 64
1 "A0"
0 
vp 7 1 500 -500 0.1 4 1 3 1 64
1 41.8859934853 
0 
vproto_ 2 2 8 0 0 2 1 0 1 64
1 ""
0 
vpfi 1 1 500 -500 0 4 1 0 1 64
1 0 
0 
vsproj 1 1 1000000000 1e-06 0 4 1 3 1 64
1 200 
0 
vs2d 1 1 1000000000 1e-06 0 4 1 3 1 64
1 200 
0 
vs 1 1 1000000000 1e-06 0 4 1 3 1 64
1 17260.9 
0 
vtwait 3 1 14 14 14 2 1 8194 1 64
1 1 
0 
vtc 1 1 250 -100 0.1 2 1 2 1 64
1 30 
0 
vzone_ 7 1 15 1 0 2 1 0 1 64
1 1 
0 
xy 7 1 19 19 19 2 1 8192 1 64
1 0 
0 
wp1 1 1 100000 0 0 4 1 3 1 64
1 62.5000114441 
0 
wf 1 1 8190 0 1e-07 4 1 3 1 64
1 0.04998 
0 
wds 2 2 8 0 0 3 1 0 1 64
1 ""
0 
wc2 1 1 4 4 4 4 1 8195 1 64
1 142 
0 
wc 1 1 2 2 2 4 1 8203 1 64
1 250 
0 
wdone 2 2 8 0 0 3 1 0 1 64
1 ""
0 
wexp 2 2 6 0 0 3 1 3 1 64
1 "df f full"
0 
werr 2 2 6 0 0 3 1 3 1 64
1 ""
0 
wnt 2 2 6 0 0 3 1 3 1 64
1 "df f full"
0 
wf1 1 1 9.99999984307e+17 -9.99999984307e+17 0 4 1 0 1 64
1 1.30048000813 
0 
wp 1 1 5000000 0 0 4 1 11 1 64
1 50000 
0 
wtfile1 2 2 15 0 0 3 2 1 1 64
1 ""
0 
wstart 2 2 8 0 0 3 1 0 1 64
1 ""
0 
wrtp 2 2 8 0 0 4 1 0 1 64
1 "reset_redor2"
0 
wqinit 2 2 8 0 0 4 1 0 1 64
1 ""
0 
wshim 4 2 4 0 0 2 1 1 1 64
1 "n"
15 "e" "f" "g" "n" "s" "0" "1" "2" "3" "4" "5" "6" "7" "8" "9" 
wtfile 2 2 15 0 0 3 1 1 1 64
1 ""
0 
x2y2 7 1 19 19 19 2 1 8192 1 64
1 0 
0 
x1 7 1 19 19 19 2 1 8192 1 64
1 -8000 
0 
wtune 4 2 4 0 0 2 1 0 1 64
1 "n"
11 "s" "t" "e" "i" "n" "o" "v" "1" "2" "3" "4" 
x4 7 1 19 19 19 2 1 8192 1 64
1 0 
0 
x3 7 1 19 19 19 2 1 8192 1 64
1 0 
0 
xperiods 1 1 1000000 0 1 2 1 0 1 64
1 0 
0 
z3y 7 1 19 19 19 2 1 8192 1 64
1 0 
0 
z2xy 7 1 19 19 19 2 1 8192 1 64
1 0 
0 
yz2 7 1 19 19 19 2 1 8192 1 64
1 0 
0 
y3 7 1 19 19 19 2 1 8192 1 64
1 0 
0 
xz2 7 1 19 19 19 2 1 8192 1 64
1 0 
0 
xz 7 1 19 19 19 2 1 8192 1 64
1 0 
0 
y1 7 1 19 19 19 2 1 8192 1 64
1 0 
0 
yz 7 1 19 19 19 2 1 8192 1 64
1 0 
0 
y4 7 1 19 19 19 2 1 8192 1 64
1 0 
0 
z2 7 1 19 19 19 2 1 8192 1 64
1 0 
0 
z1 7 1 19 19 19 2 1 8192 1 64
1 0 
0 
z0_ 1 1 19 19 19 2 1 73744 1 64
1 0 
0 
z1c 7 1 19 19 19 2 1 8192 1 64
1 -1044 
0 
z2x2y2 7 1 19 19 19 2 1 8192 1 64
1 0 
0 
z2c 7 1 19 19 19 2 1 8192 1 64
1 196 
0 
z2x3 7 1 19 19 19 2 1 8192 1 64
1 0 
0 
z3x 7 1 19 19 19 2 1 8192 1 64
1 0 
0 
z3 7 1 19 19 19 2 1 8192 1 64
1 0 
0 
z2y3 7 1 19 19 19 2 1 8192 1 64
1 0 
0 
z3c 7 1 19 19 19 2 1 8192 1 64
1 0 
0 
z3x3 7 1 19 19 19 2 1 8192 1 64
1 0 
0 
z3x2y2 7 1 19 19 19 2 1 8192 1 64
1 0 
0 
z3xy 7 1 19 19 19 2 1 8192 1 64
1 0 
0 
z5 7 1 19 19 19 2 1 8192 1 64
1 0 
0 
z4x 7 1 19 19 19 2 1 8192 1 64
1 0 
0 
z4 7 1 19 19 19 2 1 8192 1 64
1 0 
0 
z3y3 7 1 19 19 19 2 1 8192 1 64
1 0 
0 
z4c 7 1 19 19 19 2 1 8192 1 64
1 0 
0 
z4xy 7 1 19 19 19 2 1 8192 1 64
1 0 
0 
z4x2y2 7 1 19 19 19 2 1 8192 1 64
1 0 
0 
z4y 7 1 19 19 19 2 1 8192 1 64
1 0 
0 
z7 7 1 19 19 19 2 1 8192 1 64
1 0 
0 
z5y 7 1 19 19 19 2 1 8192 1 64
1 0 
0 
z5x 7 1 19 19 19 2 1 8192 1 64
1 0 
0 
z6 7 1 19 19 19 2 1 8192 1 64
1 0 
0 
zx2y2 7 1 19 19 19 2 1 8192 1 64
1 0 
0 
zoom 7 1 32767 0 0 4 1 0 1 64
1 0 
0 
z8 7 1 19 19 19 2 1 8192 1 64
1 0 
0 
zxy 7 1 19 19 19 2 1 8192 1 64
1 0 
0 
zx3 7 1 19 19 19 2 1 8192 1 64
1 0 
0 
zy3 7 1 19 19 19 2 1 8192 1 64
1 0 
0 
