fn 7 1 524288 64 -2 3 1 1 1 64
1 16384 
0 
crf 1 1 9.99999984307e+17 -9.99999984307e+17 0 4 1 0 1 64
1 0 
0 
ap 2 2 1023 0 0 4 1 6 1 64
1 "1:SAMPLE:date,temp:1,srate:1,file;1:ACQUISITION:tn,sfrq:6,tof:1,tpwr:0,sw:1,at:6,np:0,d1:6,nt:0,ct:0,ss:0,rd:1,ad:1,aX90:0,pwX90:1;1(ni):2D ACQUISITION:d2:6,sw1:1,ni:0,phase:0;1:DECOUPLE:dn,dfrq:6,dof:1,dpwr:0,aH90:0,pwH90:1;1(dfrq2>0):DECOUPLE2:dn2,dfrq2:6,dof2:1,dpwr2:0,aY90:0,pwY90:1;1(dfrq3>0):DECOUPLE3:dn3,dfrq3:6,dof3:1,dpwr3:0,aZ90:0,pwZ90:1;1:cpHX:shHX,chHX,aHhx:0,aXhx:0,bHX:6,dHX:6,tHX:1,ofHX:3;1(Hseq='tppm'):TPPM:aHtppm:0,pwHtppm:1,phHtppm:2;1(Hseq='spinal'):SPINAL:aHspinal:0,pwHspinal:1,phHspinal:2;"
0 
aXyxinept 1 1 4095 0 1 2 1 0 1 64
1 2000 
0 
aTune 1 1 4095 0 1 2 1 0 1 64
1 2000 
0 
aHhx 1 1 4095 0 1 2 1 0 1 64
1 4095 
0 
aH90 1 1 4095 0 1 2 1 0 1 64
1 4095 
0 
Hmixseq 4 2 4 0 0 2 1 0 1 64
1 "spinal"
0 
Gmap 2 2 8 0 0 2 1 1 1 64
1 "lk"
0 
Hseq 4 2 4 0 0 2 1 0 1 64
1 "tppm"
0 
Rmode 2 2 8 0 0 2 1 0 1 64
1 "n"
0 
aHdec_TOSS_Xon 1 1 4095 0 1 2 1 16384 1 64
1 0 
0 
aHdec_TOSS_Xoff 1 1 4095 0 1 2 1 16384 1 64
1 4095 
0 
aHfslg 1 1 4095 0 1 2 1 0 1 64
1 2006 
0 
aHspinal 1 1 4095 0 1 2 1 0 1 64
1 0 
0 
aHmixtppm 1 1 4095 0 1 2 1 0 1 64
1 2000 
0 
aHmixspinal 1 1 4095 0 1 2 1 0 1 64
1 10 
0 
aRcw 1 1 4095 0 1 2 1 0 1 64
1 0 
0 
aHtppm 1 1 4095 0 1 2 1 0 1 64
1 4095 
0 
aRtppm 1 1 4095 0 1 2 1 0 1 64
1 2000 
0 
aXhx 1 1 4095 0 1 2 1 0 1 64
1 2375 
0 
aXbr24 1 1 4095 0 1 2 1 0 1 64
1 2000 
0 
aX180toss 1 1 4095 0 1 2 1 0 1 64
1 0 
0 
aX180_TOSS 1 1 4095 0 1 2 1 16384 1 64
1 4095 
0 
aX90 1 1 4095 0 1 2 1 0 1 64
1 4095 
0 
aXecho 1 1 4095 0 1 2 1 0 1 64
1 2000 
0 
aXdfs 1 1 4095 0 1 2 1 0 1 64
1 2000 
0 
aXg 1 1 4095 0 1 2 1 0 1 64
1 200 
0 
aXprep 1 1 4095 0 1 2 1 0 1 64
1 2000 
0 
aXmqmas 1 1 4095 0 1 2 1 0 1 64
1 2000 
0 
aXxyxy8 1 1 4095 0 1 2 1 0 1 64
1 2000 
0 
actionid 2 2 8 0 0 4 1 0 1 64
1 "null"
0 
aYyxinept 1 1 4095 0 1 2 1 0 1 64
1 2000 
0 
aY90 1 1 4095 0 1 2 1 0 1 64
1 2000 
0 
aY180 1 1 4095 0 1 2 1 0 1 64
1 2000 
0 
aXzfsel 1 1 4095 0 1 2 1 0 1 64
1 2000 
0 
aYg 1 1 4095 0 1 2 1 0 1 64
1 200 
0 
aYecho 1 1 4095 0 1 2 1 0 1 64
1 0 
0 
aYxyxy8 1 1 4095 0 1 2 1 0 1 64
1 2000 
0 
acqcycles 1 1 9.99999984307e+17 -9.99999984307e+17 0 2 1 0 1 64
1 16 
0 
aantalpul 7 1 32767 0 0 2 1 0 1 64
1 1000 
0 
aZ90 1 1 4095 0 1 2 1 0 1 64
1 2000 
0 
acqpath 2 2 8 0 0 2 1 0 1 64
1 ""
0 
acqdim 7 1 32767 0 0 2 1 0 1 64
1 2 
0 
acqstatus 7 1 32767 0 0 2 1 0 1 64
2 101 0 
0 
alock 2 2 8 0 0 2 1 0 1 64
1 "n"
5 "a" "n" "s" "u" "y" 
aig 2 2 2 0 0 4 1 1 1 64
1 "ai"
2 "nm" "ai" 
ad 6 1 8192 0 0.0125 2 1 0 1 64
1 4 
0 
alfa 6 1 8190 10 0.0125 2 1 2 1 64
1 10 
0 
ampmode 4 2 4 0 0 2 1 0 1 64
1 "dddd"
0 
chHfslg 4 2 4 0 0 2 1 0 1 64
1 "obs"
0 
arraystop 7 1 32767 0 0 2 1 0 1 64
1 77 
0 
arraydscale 4 2 4 0 0 2 1 0 1 64
1 "n"
0 
arraydelta 7 1 32767 0 0 2 1 0 1 64
1 1 
0 
apptype 2 2 8 0 0 4 1 0 1 64
1 "solidsseq1d"
0 
array 2 2 256 0 0 2 1 1 1 64
1 ""
0 
arraydodc 4 2 4 0 0 2 1 0 1 64
1 "y"
0 
arraydim 7 1 32768 1 1 2 1 1 1 64
1 16 
0 
arrayflip 4 2 4 0 0 2 1 0 1 64
1 "n"
0 
arrayelemts 1 1 9.99999984307e+17 -9.99999984307e+17 0 2 1 0 1 64
1 1 
0 
arraystart 7 1 32767 0 0 2 1 0 1 64
1 1 
0 
bHX 1 1 1000000 0 1e-06 2 1 0 1 64
1 0 
0 
axis 4 2 4 0 0 4 1 0 1 64
1 "k"
11 "c" "d" "1" "2" "3" "h" "k" "m" "n" "p" "u" 
awc 1 1 1 -1 0.001 3 1 1 0 64
1 0 
0 
at 1 1 14 14 14 2 2 8203 1 64
1 0.03 
0 
awc1 1 1 1 -1 0.001 3 1 1 0 64
1 0 
0 
axisf 4 2 4 0 0 4 1 0 1 64
1 "s"
4 "m" "n" "s" "u" 
cf 7 1 32767 0 1 3 1 1 0 64
1 1 
0 
bs 7 1 32767 0 1 2 1 0 1 64
1 1 
0 
celem 1 1 9.99999984307e+17 -9.99999984307e+17 0 2 1 0 1 64
1 16 
0 
ch2YXinept 4 2 4 0 0 2 1 0 1 64
1 ""
0 
ch1YXinept 4 2 4 0 0 2 1 0 1 64
1 ""
0 
chHX 4 2 4 0 0 2 1 0 1 64
1 "fr"
0 
chXdfs 4 2 4 0 0 2 1 0 1 64
1 ""
0 
chHtppm 4 2 4 0 0 2 1 16384 1 64
1 "dec"
0 
chHmixtppm 4 2 4 0 0 2 1 0 1 64
1 "dec"
0 
chHmixspinal 4 2 4 0 0 2 1 0 1 64
1 "dec"
0 
chHspinal 4 2 4 0 0 2 1 16384 1 64
1 "dec"
0 
chTune 1 1 9.99999984307e+17 -9.99999984307e+17 0 2 1 0 1 64
1 1 
0 
chRtppm 4 2 4 0 0 2 1 0 1 64
1 "dec"
0 
chXbr24 4 2 4 0 0 2 1 0 1 64
1 "obs"
0 
cp 2 2 1 0 0 2 1 0 1 64
1 "y"
2 "y" "n" 
comment 2 2 8 0 0 3 1 0 1 64
1 ""
0 
clearparams 2 2 8 0 0 2 1 16384 1 64
1 "frHX toHX chHspinal chHtppm"
0 
console 2 2 8 0 0 2 1 0 1 64
1 "vnmrs"
0 
cr1 1 1 1000000000 -1000000000 0 4 1 3 1 64
1 0 
0 
cr 1 1 1000000000 -1000000000 0 4 1 1 1 64
1 29821.3958741 
0 
dn2 2 2 8 0 0 2 1 8 1 64
1 "Na23"
0 
deltaf 1 1 100 0 0 4 1 0 1 64
1 0.00594900833333 
0 
dbXzfsel 1 1 63 -16 1 2 1 0 1 64
1 54 
0 
dHX 1 1 4095 -4095 1 2 1 0 1 64
1 0 
0 
d1 3 1 14 14 14 2 1 8194 1 64
1 5 
0 
cutoff 1 1 9.99999984307e+17 -9.99999984307e+17 0 4 1 0 0 64
1 200 
0 
ct 7 1 1000000000 0 1 2 1 2 1 64
1 52 
0 
d2 3 1 14 14 14 2 3 8194 1 64
1 0.0002 
0 
dataid 2 2 8 0 0 2 1 0 1 64
1 ""
0 
daslp 1 1 9.99999984307e+17 -9.99999984307e+17 0 3 1 0 1 64
1 0 
0 
dataProcessed 1 1 9.99999984307e+17 -9.99999984307e+17 0 3 1 0 1 64
1 0 
0 
datname 2 2 8 0 0 3 1 0 1 64
1 ""
0 
date 2 2 9 0 0 2 1 1 1 64
1 "Dec 16 2009"
0 
dbXg 1 1 63 -16 1 2 1 0 1 64
1 54 
0 
ddrtc 6 1 8192 0 0.0125 2 1 0 1 64
1 0 
0 
dcg 2 2 3 0 0 4 1 1 1 64
1 "cdc"
2 "dc" "cdc" 
dbYg 1 1 63 -16 1 2 1 0 1 64
1 54 
0 
dcrmv 4 2 9.99999984307e+17 -9.99999984307e+17 0 4 1 0 1 64
1 "n"
2 "y" "n" 
delta 1 1 2000000 0 0 4 1 1 1 64
1 21751.4038086 
0 
delpul 6 1 50000 0 0.0125 2 1 0 1 64
1 10 
0 
delta1 1 1 2000000 0 0 4 1 3 1 64
1 0 
0 
dlp 7 1 10 10 10 2 1 8194 0 64
1 10 
0 
dgs 2 2 1023 0 0 4 1 2 1 64
5 "1:AXIAL SHIMS:z1:0,z2:0,z3:0,z4:0,z5:0,z6:0,z7:0;"
"2:NON AXIAL SHIMS:x1:0,y1:0,xz:0,yz:0,xy:0,x2y2:0,x3:0,y3:0,xz2:0,yz2:0,zxy:0,zx2y2:0,z3x:0,z3y:0,z2x2y2:0,z2xy:0;"
"3:NON AXIAL SHIMS:zx3:0,zy3:0,x4:0,y4:0,z4x:0,z4y:0,z3x2y2:0,z3xy:0,z2x3:0,z2y3:0,z3x3:0,z3y3:0,z4x2y2:0,z4xy:0,z5x:0,z5y:0;"
"4:AUTOMATION:method,wshim,load,,spin:0,gain:0,alock,loc:0;"
"4:SPECIAL:temp;"
0 
dg 2 2 1023 0 0 4 1 2 1 64
1 "1:ACQUISITION:sw:1,at:6,np:0,d1:6,nt:0,ct:0,bs:0,ss:0,rd:1,ad:1,ddrtc:1,rof3(rof3):1,gain:0,temp:0,srate:1;2:cpHX:shHX,chHX,aHhx:0,aXhx:0,bHX:6,dHX:6,tHX:1,ofHX:3;3(Hseq='tppm'):TPPM:aHtppm:0,pwHtppm:1,phHtppm:2;3(Hseq='spinal'):SPINAL:aHspinal:0,pwHspinal:1,phHspinal:2;"
0 
dfrq2 1 1 1000000000 0 0 2 1 9 1 64
1 0 
0 
dfrq 5 1 1000000000 -1000000000 0 2 1 8 1 64
1 300.1453887 
0 
dfrq3 1 1 1000000000 0 0 2 1 9 1 64
1 0 
0 
dg2 2 2 8 0 0 4 1 0 1 64
1 "1:OBSERVE:tn,sfrq:6,tof:1,tpwr:0,aX90:0,pwX90:1;2:DECOUPLE:dn,dfrq:6,dof:1,dpwr:0,aH90:0,pwH90:1;3:DECOUPLE2:dn2,dfrq2:6,dof2:1,dpwr2:0,aY90:0,pwY90:1;4:DECOUPLE3:dn3,dfrq3:6,dof3:1,dpwr3:0,aZ90:0,pwZ90:1;"
0 
dg1 2 2 1023 0 0 4 1 2 1 64
1 "1:DISPLAY:sp:1,wp:1,vs:0;1:REFERENCE:rfl:1,rfp:1,cr:1,delta:1;1:PHASE:lp:1,rp:1,rp1(ni):1,lp1(ni):1;2:CHART:sc:0,wc:0,hzmm:2,vp:0,axis,pltmod,,th:0,,ho:2,vo:2,,trace:2;3(ni):2D:sp1:1,wp1:1,sc2:0,wc2:0,rfl1:1,rfp1:1;3:FLAGS:aig*,dcg*,dmg*;3:FID:sf:3,wf:3,vf:0;4:INTEGRAL:intmod,is:2,ins:3,io:0,,lvl:3,tlt:3;"
0 
dglp 2 2 8 0 0 4 1 3 1 64
1 "1(lpfilt):LP:lpalg,lpopt,lpfilt:0,lpnupts:0,strtlp:0,lpext:0,strtext:0;2(lpfilt1):LP 1:lpalg1,lpopt1,lpfilt1:0,lpnupts1:0,strtlp1:0,lpext1:0,strtext1:0;3(lpfilt2):LP 2:lpalg2,lpopt2,lpfilt2:0,lpnupts2:0,strtlp2:0,lpext2:0,strtext2:0;4:LP OUTPUT:lpprint(lpfilt):0,lptrace(lpfilt):0,lpprint1(lpfilt1):0,lptrace1(lpfilt1):0,lpprint2(lpfilt2):0,lptrace2(lpfilt2):0;"
0 
disCmd 2 2 8 0 0 4 1 0 1 64
1 ""
0 
dhp 1 1 9 9 9 2 1 8192 0 64
1 43 
0 
displaymode 4 2 9.99999984307e+17 -9.99999984307e+17 0 4 1 0 1 64
1 "r"
0 
dmf3 7 1 2000000 1 0 2 1 2 1 64
1 10000 
0 
dmf 7 1 11 11 11 2 1 8194 1 64
1 9900 
0 
dm2 4 2 4 0 0 2 1 0 1 64
1 "n"
4 "a" "n" "s" "y" 
dm 4 2 4 0 0 2 1 0 1 64
1 "n"
4 "a" "n" "s" "y" 
dm3 4 2 4 0 0 2 1 0 1 64
1 "n"
4 "a" "n" "s" "y" 
dmf2 7 1 2000000 1 0 2 1 2 1 64
1 10000 
0 
dmm 4 2 4 0 0 2 1 0 1 64
1 "c"
9 "c" "f" "g" "m" "p" "r" "u" "w" "x" 
dmg 2 2 2 0 0 4 1 3 1 64
1 "ph"
0 
dmg1 2 2 8 0 0 4 1 0 1 64
1 ""
4 "" "av1" "ph1" "pwr1" 
dmm3 4 2 4 0 0 2 1 0 1 64
1 "c"
9 "c" "f" "g" "m" "p" "r" "u" "w" "x" 
dmm2 4 2 4 0 0 2 1 0 1 64
1 "c"
9 "c" "f" "g" "m" "p" "r" "u" "w" "x" 
dn 2 2 4 0 0 2 1 8 1 64
1 "H1"
0 
dseq2 2 2 8 0 0 2 1 0 1 64
1 ""
0 
dp 2 2 1 0 0 2 1 0 1 64
1 "y"
2 "y" "n" 
dof2 5 1 16 16 16 2 1 8202 1 64
1 0 
0 
dod 3 1 14 14 14 2 1 8194 1 64
1 0.00999999977648 
0 
dn3 2 2 8 0 0 2 1 8 1 64
1 ""
0 
dof 5 1 8 8 8 2 1 8202 1 64
1 -1000 
0 
dotflag 2 2 8 0 0 4 1 0 1 64
1 "n"
2 "n" "y" 
dof3 5 1 20 20 20 2 1 8202 1 64
1 0 
0 
dres 7 1 360 1 0 2 1 0 1 64
1 90 
0 
dpwr2 7 1 63 -16 1 2 1 2 1 64
1 54 
0 
dpwr 7 1 63 -16 1 2 1 2 1 64
1 59 
0 
dpwr3 7 1 63 -16 1 2 1 2 1 64
1 54 
0 
dres3 7 1 360 1 0 2 1 0 1 64
1 1 
0 
dres2 7 1 360 1 0 2 1 0 1 64
1 1 
0 
dseq 2 2 8 0 0 2 1 0 1 64
1 ""
0 
exppath 2 2 8 0 0 2 1 0 1 64
1 "/home/erhve/vnmrsys/exp117/acqfil"
0 
execprep 2 2 8 0 0 4 1 0 0 64
1 ""
0 
email_ 2 2 8 0 0 2 1 0 1 64
1 ""
0 
dseq3 2 2 8 0 0 2 1 0 1 64
1 ""
0 
execplot 2 2 8 0 0 4 1 0 1 64
1 "solidsseq1d('plot')"
0 
execprocess 2 2 8 0 0 4 1 0 1 64
1 "solidsseq1d('process')"
0 
execprescan 2 2 8 0 0 4 1 0 0 64
1 ""
0 
execsetup 2 2 8 0 0 4 1 0 1 64
1 "solidsseq1d('setup')"
0 
fidid 2 2 8 0 0 2 1 0 1 64
1 ""
0 
fXYxy8 1 1 9.99999984307e+17 -9.99999984307e+17 0 2 1 0 1 64
1 0.5 
0 
f1coef 2 2 8 0 0 3 1 1 1 64
1 ""
0 
fb 7 1 6 6 6 2 1 8203 1 64
1 13800 
0 
file 2 2 6 0 0 2 1 3 1 64
1 "exp"
0 
fidscanmode 4 2 9.99999984307e+17 -9.99999984307e+17 0 4 1 0 1 64
1 "afs"
0 
filter 7 1 1000000000 0 1 2 1 2 1 64
1 44.0999984741 
0 
pwXdfs 6 1 8192 0 0.0125 2 1 0 1 64
1 100 
0 
ofYg 5 1 1000000000 -1000000000 0 2 1 0 1 64
1 0 
0 
lockgain_ 1 1 48 0 1 2 1 65552 1 64
1 0 
0 
insref 1 1 9.99999984307e+17 -9.99999984307e+17 0 4 1 0 0 64
1 1 
0 
homo 2 2 8 0 0 2 1 8 1 64
1 "n"
2 "n" "y" 
gf 1 1 100000 0 0 3 1 1 0 64
1 0.10000000149 
0 
frHX 4 2 4 0 0 2 1 16384 1 64
1 "dec"
0 
fpmult 1 1 1000000000 0 0 3 1 0 0 64
1 1 
0 
fn1 7 1 524288 64 -2 3 1 1 1 64
1 1024 
0 
fpmult1 1 1 1000000000 0 0 3 2 0 0 64
1 0.5 
0 
gain 1 1 60 0 2 2 1 0 1 64
1 30 
0 
ftproc 1 1 9.99999984307e+17 -9.99999984307e+17 0 3 1 256 1 64
2 1 15 
0 
gfs1 1 1 1000 -1000 0.001 3 1 1 0 64
1 0 
0 
gfs 1 1 1000 -1000 0.001 3 1 1 0 64
1 0 
0 
gf1 1 1 100000 0 0 3 1 1 0 64
1 1 
0 
hdpwr 7 1 49 -16 1 2 1 2 1 64
1 1 
0 
hdof 5 1 7 7 7 2 1 8194 1 64
1 0 
0 
ho 1 1 500 -500 0 4 1 1 1 64
1 -12.5625 
0 
ident 2 2 8 0 0 3 1 0 1 64
1 ""
0 
hs 4 2 4 0 0 2 1 0 1 64
1 "nn"
2 "n" "y" 
homo3 4 2 4 0 0 2 1 0 1 64
1 "n"
2 "n" "y" 
homo2 4 2 4 0 0 2 1 0 1 64
1 "n"
2 "n" "y" 
hst 3 1 0.02 0 2.5e-08 2 1 2 1 64
1 0.00800000037998 
0 
hsrotor 4 2 4 0 0 2 1 0 1 64
1 ""
0 
hzmm 1 1 1000000000 -1000000000 0 4 1 11 1 64
1 108.757019043 
0 
ins2 1 1 9.99999984307e+17 -9.99999984307e+17 0 4 1 0 1 64
1 1 
0 
in 4 2 1 0 0 2 1 0 1 64
1 "n"
3 "n" "w" "y" 
il 2 2 1 0 0 2 1 0 1 64
1 "n"
2 "y" "n" 
ins 3 1 8190 0 1e-07 4 1 3 1 64
1 100 
0 
ins2ref 1 1 9.99999984307e+17 -9.99999984307e+17 0 4 1 0 1 64
1 1 
0 
liamp 1 1 1000000000 0 0 4 1 0 0 64
1 0 
0 
is 1 1 1000000000 1e-06 0 4 1 3 1 64
1 500 
0 
investigator 2 2 8 0 0 2 1 0 1 64
1 ""
0 
intmod 2 2 8 0 0 4 1 0 1 64
1 "off"
3 "off" "partial" "full" 
io 1 1 500 -500 0.1 4 1 1 1 64
1 10 
0 
lb 1 1 100000 -100000 0 3 1 1 1 64
1 26.1530275428 
0 
ival 1 1 9.99999984307e+17 -9.99999984307e+17 0 2 1 0 1 64
1 1.5 
0 
lb1 1 1 100000 -100000 0 3 1 1 1 64
1 0.318309992552 
0 
load 2 2 4 0 0 2 1 3 1 64
1 "n"
2 "y" "n" 
llamp 1 1 1000000000 0 0 4 1 0 0 64
2 0.00631252722815 0.00401060190052 
0 
lifrq 1 1 1000000000 -1000000000 0 4 1 0 1 64
1 0 
0 
llfrq 1 1 1000000000 -1000000000 0 4 1 0 0 64
2 11035.9191895 10353.8513184 
0 
loc_ 7 1 12 12 12 2 1 8201 0 64
1 0 
0 
markerfrq1 1 1 9.99999984307e+17 -9.99999984307e+17 0 2 1 0 1 64
1 0 
0 
lsfrq 1 1 9.99999984307e+17 -9.99999984307e+17 0 3 1 0 0 64
1 0 
0 
lpfilt 7 1 32767 1 1 3 1 0 1 64
1 32 
0 
lp1 1 1 10000000 -10000000 0.1 4 1 3 1 64
1 0 
0 
lockpower_ 1 1 68 0 1 2 1 65552 1 64
1 0 
0 
lockphase_ 1 1 360 0 1 2 1 65552 1 64
1 0 
0 
lp 1 1 10000000 -10000000 0.1 4 1 3 1 64
1 -1425.60693495 
0 
lpalg 2 2 8 0 0 3 1 0 1 64
1 "lpfft"
0 
lpext 7 1 1000000 0 1 3 1 0 1 64
1 3 
0 
lptrace 7 1 32767 0 1 3 1 0 1 64
1 0 
0 
lpopt 2 2 8 0 0 3 1 0 1 64
1 "b"
0 
lpnupts 7 1 1000000 1 1 3 1 0 1 64
1 256 
0 
lpprint 7 1 63 0 1 3 1 0 1 64
1 0 
0 
lsfid 7 1 64000 -64000 1 3 1 0 1 64
1 4 
0 
macro 2 2 6 0 0 4 1 3 1 64
1 "Mqmas3q2d"
0 
lsfrq1 1 1 9.99999984307e+17 -9.99999984307e+17 0 3 1 0 0 64
1 0 
0 
lvl 1 1 1000000000 -1000000000 0 4 1 1 1 64
1 0 
0 
marker2 2 2 8 0 0 2 1 0 1 64
1 ""
0 
marker1 2 2 8 0 0 2 1 0 1 64
1 ""
0 
notebook 2 2 8 0 0 2 1 0 1 64
1 ""
0 
nRotor 1 1 200 0 1 2 1 0 1 64
1 1 
0 
n1 2 2 6 0 0 4 1 3 1 64
1 ""
0 
math 2 2 1 0 0 3 1 3 1 64
1 "f"
3 "d" "f" "i" 
markerfrq2 1 1 9.99999984307e+17 -9.99999984307e+17 0 2 1 0 1 64
1 0 
0 
method 2 2 6 0 0 2 1 3 1 64
1 "z1z2"
0 
n3 2 2 6 0 0 4 1 3 1 64
1 ""
0 
n2 2 2 6 0 0 4 1 3 1 64
1 ""
0 
nHfslg 1 1 512 0 1 2 1 0 1 64
1 1 
0 
name 2 2 8 0 0 3 1 0 1 64
1 ""
0 
nXYxy8 1 1 9.99999984307e+17 -9.99999984307e+17 0 2 1 0 1 64
1 32 
0 
ni 7 1 32767 0 0 2 1 0 1 64
1 16 
0 
of2Xdfs 5 1 1000000000 -1000000000 0 2 1 0 1 64
1 100000 
0 
numpul 6 1 1000 1 1 2 1 0 1 64
1 200 
0 
npaXbr24 1 1 4095 0 1 2 1 0 1 64
1 10 
0 
np 7 1 524288 32 2 2 1 11 1 64
1 3750 
0 
nt 7 1 1000000000 1 1 2 1 2 1 64
1 52 
0 
of1Xdfs 5 1 1000000000 -1000000000 0 2 1 0 1 64
1 0 
0 
ofXdfs 5 1 1000000000 -1000000000 0 2 1 0 1 64
1 0 
0 
ofHfslg 5 1 1000000000 -1000000000 0 2 1 0 1 64
1 0 
0 
ofHX 5 1 1000000000 -1000000000 0 2 1 0 1 64
1 0 
0 
ofXg 5 1 1000000000 -1000000000 0 2 1 0 1 64
1 0 
0 
priority 7 1 32768 0 1 2 1 0 1 64
1 5 
0 
phRtppm 1 1 180 -180 0.0438 2 1 0 1 64
1 9.9864 
0 
page 2 2 8 0 0 2 1 0 1 64
1 ""
0 
onoff 1 1 1 0 1 2 1 0 1 64
1 1 
0 
ofdHfslg 5 1 1000000000 -1000000000 0 2 1 0 1 64
1 44072.5396328 
0 
onYxyxy8 1 1 9.99999984307e+17 -9.99999984307e+17 0 2 1 0 1 64
1 1 
0 
p1 6 1 13 13 13 2 1 8194 1 64
1 0 
0 
operator_ 2 2 128 0 0 2 1 0 1 64
1 "nmruser9"
0 
pad 3 1 14 14 14 2 1 8194 1 64
1 0.5 
0 
phHmixspinal 1 1 180 -180 0.0438 2 1 0 1 64
1 9.9864 
0 
parstyle_ 2 2 8 0 0 4 1 0 1 64
1 "ppa"
0 
paramChanged 1 1 9.99999984307e+17 -9.99999984307e+17 0 2 1 0 1 64
1 0 
0 
parversion 1 1 9.99999984307e+17 -9.99999984307e+17 0 2 1 0 1 64
1 5.1 
0 
phHspinal 1 1 180 -180 0.0438 2 1 0 1 64
1 9.9864 
0 
phHmixtppm 1 1 180 -180 0.0438 2 1 0 1 64
1 9.9864 
0 
phHtppm 1 1 180 -180 0.0438 2 1 0 1 64
1 12.483 
0 
pltmod 2 2 8 0 0 4 1 0 1 64
1 "fixed"
5 "off" "fixed" "full" "variable" "user" 
phfid1 1 1 3600 -3600 0.1 3 1 0 0 64
1 0 
0 
phase 7 1 20 0 1 2 1 0 1 64
1 1 
0 
phXprep 1 1 180 -180 0.0438 2 1 0 1 64
1 0 
0 
phfid 1 1 3600 -3600 0.1 3 1 0 1 64
1 75.4857689655 
0 
plotfile 2 2 8 0 0 2 1 0 1 64
1 ""
0 
pkpick_ 2 2 8 0 0 4 1 0 1 64
1 ""
0 
plt2Darg 2 2 8 0 0 4 1 272 1 64
5 "pos"
"7"
"1.5"
"proj"
"proj"
0 
pp 6 1 8190 0 1e-07 2 1 2 1 64
1 46.4000053406 
0 
position1 2 2 8 0 0 3 1 0 1 64
1 ""
0 
pmode 2 2 8 0 0 3 1 0 1 64
1 "full"
0 
position2 2 2 8 0 0 3 1 0 1 64
1 ""
0 
prescan 2 2 8 0 0 3 1 0 1 64
11 "Not done"
"Not done"
"off"
"off"
"off"
"off"
"Complete"
"on"
"off"
""
""
0 
preacq 6 1 13 13 13 2 1 8192 0 64
1 0 
0 
previewdir 2 2 8 0 0 2 1 0 1 64
1 "/home/margriet/vnmrsys/data/data/onepul_001.fid"
0 
pw90 6 1 13 13 13 2 1 8194 1 64
1 0 
0 
pulsenum 7 1 32767 0 0 2 1 0 1 64
1 7 
0 
procdim 7 1 32767 0 0 3 1 0 1 64
1 1 
0 
proc 2 2 10 0 0 3 1 1 1 64
1 "ft"
0 
probe_ 2 2 8 0 0 2 1 8 1 64
1 "Bruker_mas_4mm"
0 
proc1 2 2 10 0 0 3 2 1 1 64
1 "ft"
0 
protocols 2 2 8 0 0 3 1 0 1 64
1 ""
0 
processid 1 1 9.99999984307e+17 -9.99999984307e+17 0 2 1 0 1 64
1 0 
0 
pslabel 2 2 8 0 0 2 1 11 1 64
1 "cp2dpass_eve_v1"
0 
pw1Yyxinept 6 1 8192 0 0.0125 2 1 0 1 64
1 8 
0 
pw1Xmqmas 6 1 8192 0 0.0125 2 1 0 1 64
1 3 
0 
pw 6 1 13 13 13 2 1 8194 1 64
1 5.99999904633 
0 
pw1Xyxinept 6 1 8192 0 0.0125 2 1 0 1 64
1 8 
0 
pw2Xyxinept 6 1 8192 0 0.0125 2 1 0 1 64
1 4 
0 
pw2Xmqmas 6 1 8192 0 0.0125 2 1 0 1 64
1 1 
0 
pw2Yyxinept 6 1 8192 0 0.0125 2 1 0 1 64
1 4 
0 
pwRtppm 6 1 8192 0 0.0125 2 1 0 1 64
1 8 
0 
pwHmixtppm 6 1 8192 0 0.0125 2 1 0 1 64
1 8 
0 
pwHfslg 6 1 8192 0 0.0125 2 1 0 1 64
1 13.1 
0 
pwH90 6 1 8192 0 0 2 1 0 1 64
1 5.4 
0 
pwHmixspinal 6 1 8192 0 0.0125 2 1 0 1 64
1 8 
0 
pwHtilt 6 1 8192 0 0.0125 2 1 0 1 64
1 1.575 
0 
pwHspinal 6 1 8192 0 0.0125 2 1 0 1 64
1 8 
0 
pwHtppm 6 1 8192 0 0.0125 2 1 0 1 64
1 10 
0 
pwX90 6 1 8192 0 0 2 1 0 1 64
1 3 
0 
pwX180 6 1 8192 0 0.0125 2 1 16384 1 64
1 5.8 
0 
pwTune 6 1 8192 0 0.0125 2 1 0 1 64
1 8 
0 
pwXbr24 6 1 8192 0 0.0125 2 1 0 1 64
1 4 
0 
tXzfsel 6 1 50000 0 0.0125 2 1 0 1 64
1 10 
0 
shHX 4 2 4 0 0 2 1 0 1 64
1 "c"
0 
refsource1 2 2 8 0 0 3 1 0 1 64
1 "dfrq"
0 
r2 1 1 1e+18 -1e+18 0 4 1 1 1 64
1 0 
0 
pwY90 6 1 8192 0 0 2 1 0 1 64
1 4 
0 
pwXxyxy8 6 1 8192 0 0.0125 2 1 0 1 64
1 8 
0 
pwXg 6 1 8192 0 0.0125 2 1 0 1 64
1 100 
0 
pwXecho 6 1 8192 0 0.0125 2 1 0 1 64
1 3 
0 
pwXprep 6 1 8192 0 0.0125 2 1 0 1 64
1 4 
0 
pwY180 6 1 8192 0 0.0125 2 1 0 1 64
1 4 
0 
pwXzfsel 6 1 8192 0 0.0125 2 1 0 1 64
1 20 
0 
pwZ90 6 1 8192 0 0 2 1 0 1 64
1 4 
0 
pwYg 6 1 8192 0 0.0125 2 1 0 1 64
1 100 
0 
pwYecho 6 1 8192 0 0.0125 2 1 0 1 64
1 2 
0 
pwYxyxy8 6 1 13 13 13 2 1 8192 1 64
1 8 
0 
r1 1 1 1e+18 -1e+18 0 4 1 1 1 64
1 0 
0 
queue 2 2 8 0 0 2 1 0 1 64
1 "dayQ"
0 
r1Xbr24 6 1 8192 0 0.0125 2 1 0 1 64
1 0.5 
0 
rd 6 1 8192 0 0.0125 2 1 0 1 64
1 4 
0 
r4 1 1 1e+18 -1e+18 0 4 1 1 1 64
1 0 
0 
r3 1 1 1e+18 -1e+18 0 4 1 1 1 64
1 0 
0 
r2Xbr24 6 1 8192 0 0.0125 2 1 0 1 64
1 0.5 
0 
r3Xbr24 6 1 8192 0 0.0125 2 1 0 1 64
1 1 
0 
r6 1 1 1e+18 -1e+18 0 4 1 1 1 64
1 0 
0 
r5 1 1 1e+18 -1e+18 0 4 1 1 1 64
1 0 
0 
r7 1 1 1e+18 -1e+18 0 4 1 1 1 64
1 0 
0 
reffrq1 1 1 9.99999984307e+17 -9.99999984307e+17 0 4 1 0 1 64
1 500.4787163 
0 
ref1 5 1 1000000000 -1000000000 0 3 5 0 1 64
1 0 
0 
ref 5 1 1000000000 -1000000000 0 3 4 0 1 64
1 0 
0 
reffrq 1 1 9.99999984307e+17 -9.99999984307e+17 0 4 1 0 1 64
1 30.4130267952 
0 
refpos1 1 1 9.99999984307e+17 -9.99999984307e+17 0 4 1 0 0 64
1 0 
0 
refpos 1 1 9.99999984307e+17 -9.99999984307e+17 0 4 1 0 1 64
1 0 
0 
samplename 2 2 8 0 0 2 1 0 1 64
1 ""
0 
rof1 6 1 13 13 13 2 1 8194 1 64
1 0 
0 
rfp 1 1 1000000000 -1000000000 0 4 1 1 1 64
1 0 
0 
rfl 1 1 1000000000 -1000000000 0 4 1 1 1 64
1 11575.6988525 
0 
rfband 4 2 4 0 0 2 1 0 1 64
1 "cc"
3 "c" "h" "l" 
rfl1 1 1 1000000000 -1000000000 0 4 1 1 1 64
1 0 
0 
rfp1 1 1 1000000000 -1000000000 0 4 1 1 1 64
1 0 
0 
rotorper 6 1 50000 0 0.0125 2 1 0 1 64
1 200 
0 
rof3 6 1 8192 0 0.0125 2 1 0 1 64
1 0 
0 
rof2 6 1 8190 25 0.0125 2 1 2 1 64
1 25 
0 
rotor_period 6 1 8192 20 0.0125 2 1 16384 1 64
1 800 
0 
rp 1 1 10000000 -10000000 0.1 4 1 3 1 64
1 646.27826986 
0 
rp1 1 1 10000000 -10000000 0.1 4 1 3 1 64
1 0 
0 
sc2 1 1 3 3 3 4 1 8195 1 64
1 0 
0 
sbs 1 1 1000 -1000 0.001 3 1 1 0 64
1 0 
0 
sb 1 1 1000 -1000 0.001 3 1 0 0 64
1 0 
0 
saveglobal_ 2 2 8 0 0 3 1 0 1 64
12 "probe"
"loc"
"lockpower"
"lockgain"
"lockphase"
"z0"
"lkof"
"vloc"
"vrack"
"vzone"
"pkpick"
"parstyle"
0 
sb1 1 1 1000 -1000 0.001 3 1 1 0 64
1 0 
0 
sc 1 1 1 1 1 4 1 8195 1 64
1 188.4375 
0 
sbs1 1 1 1000 -1000 0.001 3 1 1 0 64
1 0 
0 
seqfil 2 2 8 0 0 2 1 11 1 64
1 "cp2dpass_eve_v1"
0 
scalesw1 1 1 9.99999984307e+17 -9.99999984307e+17 0 3 1 0 1 64
1 1 
0 
scalesw 1 1 9.99999984307e+17 -9.99999984307e+17 0 3 1 0 1 64
1 1 
0 
scans 2 2 8 0 0 3 1 0 1 64
1 ""
0 
sf1 1 1 9.99999984307e+17 -9.99999984307e+17 0 4 1 0 1 64
1 0 
0 
sf 1 1 8190 0 1e-07 4 1 3 1 64
1 0 
0 
sfrq 1 1 1000000000 0 0 2 1 11 1 64
1 75.4791448 
0 
ss 7 1 32767 -32768 0 2 1 0 1 64
1 0 
0 
shownumx 1 1 9.99999984307e+17 -9.99999984307e+17 0 2 1 0 1 64
1 0 
0 
showcontent 2 2 8 0 0 2 1 0 1 64
1 "s"
0 
showarray 2 2 8 0 0 2 1 0 1 64
1 "horiz"
0 
shims 2 2 8 0 0 2 1 0 1 64
1 ""
0 
shownumstyle 2 2 8 0 0 2 1 0 1 64
1 "auto"
0 
shownumbers 2 2 8 0 0 2 1 0 1 64
1 "n"
0 
sp 1 1 1000000000 -1000000000 0 4 1 3 1 64
1 -11568.069458 
0 
sn 1 1 1e+18 -1e+18 0 3 1 1 1 64
1 50 
0 
shownumy 1 1 9.99999984307e+17 -9.99999984307e+17 0 2 1 0 1 64
1 0 
0 
solvent 2 2 6 0 0 2 1 11 1 64
1 "CDCl3"
0 
spin 1 1 39 0 1 2 1 0 0 64
1 16 
0 
sp1 1 1 1000000000 -1000000000 0 4 1 3 1 64
1 0 
0 
srate 5 1 1000000000 -1000000000 0 2 1 0 1 64
1 2000 
0 
sw1 1 1 5000000 1 -1.25e-08 2 2 0 1 64
1 100000 
0 
studyid_ 2 2 8 0 0 2 1 0 1 64
1 "tmpstudy"
0 
strtlp 7 1 1000000 1 1 3 1 0 1 64
1 4 
0 
strtext 7 1 1000000 1 1 3 1 0 1 64
1 3 
0 
study 2 2 8 0 0 3 1 0 1 64
1 ""
0 
studytime 1 1 9.99999984307e+17 -9.99999984307e+17 0 2 1 0 1 64
1 0 
0 
studystatus 2 2 8 0 0 2 1 0 1 64
1 "Empty"
0 
sw 1 1 5 5 5 2 2 8203 1 64
1 62500 
0 
t2Xecho 6 1 50000 0 0.0125 2 1 0 1 64
1 4 
0 
t1YXinept 6 1 50000 0 0.0125 2 1 0 1 64
1 1000 
0 
t1Xecho 6 1 50000 0 0.0125 2 1 0 1 64
1 10 
0 
t3Xecho 6 1 50000 0 0.0125 2 1 0 1 64
1 0 
0 
t2YXinept 6 1 50000 0 0.0125 2 1 0 1 64
1 1000 
0 
tHX 6 1 50000 0 0.0125 2 1 0 1 64
1 1000 
0 
wp1 1 1 100000 0 0 4 1 3 1 64
1 100000 
0 
vs 1 1 1000000000 1e-06 0 4 1 3 1 64
1 5170.35861438 
0 
tn 2 2 4 0 0 2 1 8 1 64
1 "C13"
0 
time_processed 2 2 8 0 0 3 1 0 1 64
1 "20091216T160643"
0 
th2d 1 1 1 1e-18 0 4 1 17 1 64
1 0.8 
0 
temp 1 1 200 -150 0.1 2 1 8 1 64
1 28 
0 
tauXbr24 6 1 8192 0 0.0125 2 1 0 1 64
1 6 
0 
th 1 1 1000000000 0 0 4 1 1 1 64
1 7.86958483935 
0 
time_exp 2 2 8 0 0 2 1 0 1 64
1 "56 min, 7 sec"
0 
time_complete 2 2 8 0 0 4 1 0 1 64
1 "20091216T155730"
0 
time_plotted 2 2 8 0 0 3 1 0 1 64
1 ""
0 
time_submitted_local 2 2 8 0 0 2 1 0 1 64
1 "20091216T144742X02PMWedDec"
0 
time_saved 2 2 8 0 0 4 1 0 1 64
1 "20091216T160701"
0 
time_run 2 2 8 0 0 2 1 0 1 64
1 "20091216T144742"
0 
time_submitted 2 2 8 0 0 2 1 0 1 64
1 "20091216T144742"
0 
tin 2 2 1 0 0 2 1 2 1 64
1 "n"
3 "n" "w" "y" 
time_svfdate 2 2 8 0 0 2 1 0 1 64
1 "20091216T144742"
0 
tlt 1 1 1000000000 -1000000000 0 4 1 1 1 64
1 0 
0 
vf 1 1 1000000000 0 0 4 1 3 1 64
1 2016.42259814 
0 
tpwr 7 1 63 -16 1 2 1 2 1 64
1 54 
0 
tof 5 1 7 7 7 2 1 8202 1 64
1 500 
0 
toHX 4 2 4 0 0 2 1 16384 1 64
1 "obs"
0 
user 2 2 9 0 0 2 1 1 1 64
1 " 1-14-87"
0 
trace 2 2 2 0 0 4 1 3 1 64
1 "f1"
2 "f1" "f2" 
username 2 2 8 0 0 2 1 0 1 64
1 "margriet"
0 
vp 7 1 500 -500 0.1 4 1 3 1 64
1 -2.2516556878 
0 
vo 1 1 500 -500 0 4 1 1 1 64
1 0 
0 
vloc_ 2 2 8 0 0 2 1 8 1 64
1 "C7"
0 
vpfi 1 1 500 -500 0 4 1 0 1 64
1 0 
0 
vpf 1 1 500 -500 0 4 1 0 1 64
1 0 
0 
vrack_ 7 1 5 1 0 2 1 0 1 64
1 1 
0 
wc2 1 1 4 4 4 4 1 8195 1 64
1 65 
0 
vtwait 3 1 14 14 14 2 1 8194 1 64
1 300 
0 
vsproj 1 1 1000000000 1e-06 0 4 1 3 1 64
1 200 
0 
vs2d 1 1 1000000000 1e-06 0 4 1 3 1 64
1 200 
0 
vtc 1 1 250 -100 0.1 2 1 2 1 64
1 -100 
0 
wbs 2 2 6 0 0 3 1 3 1 64
1 ""
0 
vzone_ 7 1 15 1 0 2 1 0 1 64
1 1 
0 
wc 1 1 2 2 2 4 1 8203 1 64
1 11.5625 
0 
wf 1 1 8190 0 1e-07 4 1 3 1 64
1 0.029984 
0 
werr 2 2 6 0 0 3 1 3 1 64
1 ""
0 
wdone 2 2 8 0 0 3 1 0 1 64
1 ""
0 
wexp 2 2 6 0 0 3 1 3 1 64
1 "ft"
0 
wnt 2 2 6 0 0 3 1 3 1 64
1 "df"
0 
wf1 1 1 9.99999984307e+17 -9.99999984307e+17 0 4 1 0 1 64
1 0.00512 
0 
wp 1 1 5000000 0 0 4 1 11 1 64
1 62492.3706055 
0 
z2x2y2 7 1 19 19 19 2 1 8192 1 64
1 0 
0 
yz 7 1 19 19 19 2 1 8192 1 64
1 0 
0 
x4 7 1 19 19 19 2 1 8192 1 64
1 0 
0 
wtfile1 2 2 15 0 0 3 2 1 1 64
1 ""
0 
wshim 4 2 4 0 0 2 1 1 1 64
1 "n"
15 "e" "f" "g" "n" "s" "0" "1" "2" "3" "4" "5" "6" "7" "8" "9" 
wrtp 2 2 8 0 0 4 1 0 1 64
1 ""
0 
wtfile 2 2 15 0 0 3 1 1 1 64
1 ""
0 
x2y2 7 1 19 19 19 2 1 8192 1 64
1 0 
0 
x1 7 1 19 19 19 2 1 8192 1 64
1 0 
0 
x3 7 1 19 19 19 2 1 8192 1 64
1 0 
0 
xz2 7 1 19 19 19 2 1 8192 1 64
1 0 
0 
xy 7 1 19 19 19 2 1 8192 1 64
1 0 
0 
xdiag 1 1 1e+18 0 0 4 1 17 1 64
1 0 
0 
xz 7 1 19 19 19 2 1 8192 1 64
1 0 
0 
y3 7 1 19 19 19 2 1 8192 1 64
1 0 
0 
y1 7 1 19 19 19 2 1 8192 1 64
1 0 
0 
y4 7 1 19 19 19 2 1 8192 1 64
1 0 
0 
z1 7 1 19 19 19 2 1 8192 1 64
1 0 
0 
z0_ 1 1 19 19 19 2 1 73744 1 64
1 0 
0 
yz2 7 1 19 19 19 2 1 8192 1 64
1 0 
0 
z2 7 1 19 19 19 2 1 8192 1 64
1 0 
0 
z1c 7 1 19 19 19 2 1 8192 1 64
1 -1044 
0 
z2c 7 1 19 19 19 2 1 8192 1 64
1 196 
0 
z4 7 1 19 19 19 2 1 8192 1 64
1 0 
0 
z3x3 7 1 19 19 19 2 1 8192 1 64
1 0 
0 
z3 7 1 19 19 19 2 1 8192 1 64
1 0 
0 
z2xy 7 1 19 19 19 2 1 8192 1 64
1 0 
0 
z2x3 7 1 19 19 19 2 1 8192 1 64
1 0 
0 
z2y3 7 1 19 19 19 2 1 8192 1 64
1 0 
0 
z3x 7 1 19 19 19 2 1 8192 1 64
1 0 
0 
z3c 7 1 19 19 19 2 1 8192 1 64
1 0 
0 
z3x2y2 7 1 19 19 19 2 1 8192 1 64
1 0 
0 
z3y 7 1 19 19 19 2 1 8192 1 64
1 0 
0 
z3xy 7 1 19 19 19 2 1 8192 1 64
1 0 
0 
z3y3 7 1 19 19 19 2 1 8192 1 64
1 0 
0 
z4y 7 1 19 19 19 2 1 8192 1 64
1 0 
0 
z4x2y2 7 1 19 19 19 2 1 8192 1 64
1 0 
0 
z4x 7 1 19 19 19 2 1 8192 1 64
1 0 
0 
z4c 7 1 19 19 19 2 1 8192 1 64
1 0 
0 
z4xy 7 1 19 19 19 2 1 8192 1 64
1 0 
0 
z6 7 1 19 19 19 2 1 8192 1 64
1 0 
0 
z5x 7 1 19 19 19 2 1 8192 1 64
1 0 
0 
z5 7 1 19 19 19 2 1 8192 1 64
1 0 
0 
z5y 7 1 19 19 19 2 1 8192 1 64
1 0 
0 
zx2y2 7 1 19 19 19 2 1 8192 1 64
1 0 
0 
z8 7 1 19 19 19 2 1 8192 1 64
1 0 
0 
z7 7 1 19 19 19 2 1 8192 1 64
1 0 
0 
zxy 7 1 19 19 19 2 1 8192 1 64
1 0 
0 
zx3 7 1 19 19 19 2 1 8192 1 64
1 0 
0 
zy3 7 1 19 19 19 2 1 8192 1 64
1 0 
0 
